{
  "bids_meta": {
    "AcquisitionDateTime": "2018-03-12T18:53:04",
    "AcquisitionMatrixPE": 256,
    "AcquisitionNumber": 1,
    "BodyPartExamined": "HEAD",
    "ConversionSoftware": "dcm2niix",
    "ConversionSoftwareVersion": "v1.0.20180622 GCC4.8.5",
    "DeviceSerialNumber": "000301496mr3T5mr",
    "EchoTime": 0.10122,
    "EchoTrainLength": 16,
    "FlipAngle": 125,
    "ImageOrientationPatientDICOM": [
      0.99994,
      0,
      -0.01116,
      -0.00069,
      0.99808,
      -0.06187
    ],
    "ImageType": [
      "ORIGINAL",
      "PRIMARY",
      "OTHER"
    ],
    "InPlanePhaseEncodingDirectionDICOM": "ROW",
    "InstitutionName": "NIH_FMRIF",
    "MRAcquisitionType": "2D",
    "MagneticFieldStrength": 3,
    "Manufacturer": "GE",
    "ManufacturersModelName": "DISCOVERY_MR750",
    "Modality": "MR",
    "PatientPosition": "HFS",
    "PercentPhaseFOV": 80,
    "PhaseEncodingAxis": "i",
    "PixelBandwidth": 488.281,
    "ProcedureStepDescription": "MRI_Procedure_Limited",
    "ProtocolName": "MID1_T2_Axial_2.0_mm",
    "ReconMatrixPE": 256,
    "RepetitionTime": 5,
    "SAR": 1.0377,
    "ScanOptions": "FAST_GEMS_FSA_GEMS",
    "ScanningSequence": "SE",
    "SequenceVariant": "SK",
    "SeriesDescription": "MID1_T2_Axial_2.0_mm",
    "SeriesNumber": 3,
    "SliceThickness": 2,
    "SoftwareVersions": "27_LX_MR_Software_release:DV26.0_R01_1725.a",
    "SpacingBetweenSlices": 2,
    "StationName": "fmrif3ta",
    "dataset": "ds002156",
    "modality": "T2w",
    "run_id": 1,
    "session_id": "02",
    "subject_id": "23638"
  },
  "cjv": 0.6354264652097564,
  "cnr": 1.418872510797159,
  "efc": 0.5322230886202004,
  "fber": -1.0,
  "fwhm_avg": 2.903782148009764,
  "fwhm_x": 3.0869,
  "fwhm_y": 3.42076,
  "fwhm_z": 2.203686444029292,
  "icvs_csf": 0.29956624198364107,
  "icvs_gm": 0.14039752656361643,
  "icvs_wm": 0.5600362314527425,
  "inu_med": 0.9809660315513611,
  "inu_range": 0.5334989488124846,
  "provenance": {
    "md5sum": "a5fbdf4cd53e0cdf2deb8f0f1bd3761b",
    "settings": {
      "testing": false
    },
    "software": "mriqc",
    "version": "22.0.1",
    "warnings": {
      "large_rot_frame": true,
      "small_air_mask": false
    },
    "webapi_port": null,
    "webapi_url": "https://mriqc.nimh.nih.gov/api/v1"
  },
  "qi_1": 0.0,
  "qi_2": 0.0010962221710758633,
  "rpve_csf": 11.987759571035596,
  "rpve_gm": 33.36992919675922,
  "rpve_wm": 8.557971321477579,
  "size_x": 256,
  "size_y": 256,
  "size_z": 72,
  "snr_csf": 5.300250449200903,
  "snr_gm": 2.0194047890445073,
  "snr_total": 4.373491237559431,
  "snr_wm": 5.800818474432883,
  "snrd_csf": 33.0598059089845,
  "snrd_gm": 57.22159193862413,
  "snrd_total": 35.692721160790065,
  "snrd_wm": 16.796765634761567,
  "spacing_x": 1.0,
  "spacing_y": 1.0,
  "spacing_z": 2.0000667572021484,
  "summary_bg_k": 248.24043750429777,
  "summary_bg_mad": 0.0,
  "summary_bg_mean": 15.57198239867799,
  "summary_bg_median": 0.0,
  "summary_bg_n": 1008395.0,
  "summary_bg_p05": 0.0,
  "summary_bg_p95": 55.19678380340338,
  "summary_bg_stdv": 40.98076153542437,
  "summary_csf_k": 0.7928962129912835,
  "summary_csf_mad": 360.7599196914701,
  "summary_csf_mean": 2111.797888808306,
  "summary_csf_median": 2067.9907609522343,
  "summary_csf_n": 138735.0,
  "summary_csf_p05": 1570.1230818778276,
  "summary_csf_p95": 2814.183043539524,
  "summary_csf_stdv": 390.16709261840526,
  "summary_gm_k": -0.8969473697014223,
  "summary_gm_mad": 1423.9810049914936,
  "summary_gm_mean": 3107.0150247844967,
  "summary_gm_median": 3579.383490085602,
  "summary_gm_n": 90110.0,
  "summary_gm_p05": 90.22176284156737,
  "summary_gm_p95": 5517.972519472241,
  "summary_gm_stdv": 1772.484470800452,
  "summary_wm_k": -0.08592494079446089,
  "summary_wm_mad": 182.81874748511154,
  "summary_wm_mean": 1059.658910578506,
  "summary_wm_median": 1050.6884475424886,
  "summary_wm_n": 329772.0,
  "summary_wm_p05": 776.044847778976,
  "summary_wm_p95": 1371.2684435397387,
  "summary_wm_stdv": 181.12734592874043,
  "tpm_overlap_csf": 0.12383003802572498,
  "tpm_overlap_gm": 0.10259326329029467,
  "tpm_overlap_wm": 0.47491477617767414,
  "wm2max": 0.1771509573506451
}