{
  "bids_meta": {
    "AcquisitionDateTime": "2018-03-12T19:02:29",
    "AcquisitionMatrixPE": 256,
    "AcquisitionNumber": 1,
    "BodyPartExamined": "BRAIN",
    "ConversionSoftware": "dcm2niix",
    "ConversionSoftwareVersion": "v1.0.20180622 GCC4.8.5",
    "DeviceSerialNumber": "000301496mr3T5mr",
    "EchoTime": 0.003476,
    "FlipAngle": 7,
    "ImageOrientationPatientDICOM": [
      0,
      1,
      0,
      0,
      0,
      -1
    ],
    "ImageType": [
      "ORIGINAL",
      "PRIMARY",
      "OTHER"
    ],
    "InPlanePhaseEncodingDirectionDICOM": "ROW",
    "InstitutionName": "NIH_FMRIF",
    "InversionTime": 0.9,
    "MRAcquisitionType": "3D",
    "MagneticFieldStrength": 3,
    "Manufacturer": "GE",
    "ManufacturersModelName": "DISCOVERY_MR750",
    "Modality": "MR",
    "PatientPosition": "HFS",
    "PercentPhaseFOV": 100,
    "PixelBandwidth": 195.312,
    "ProcedureStepDescription": "MRI_Procedure_Limited",
    "ProtocolName": "ORIG_anat_t1w_mp_rage_1mm",
    "ReconMatrixPE": 256,
    "RepetitionTime": 0.00766,
    "SAR": 0.0853005,
    "ScanOptions": "EDR_GEMS_ACC_GEMS_IR_GEMS",
    "ScanningSequence": "RM",
    "SequenceVariant": "NONE",
    "SeriesDescription": "ORIG_anat_t1w_mp_rage_1mm",
    "SeriesNumber": 40005,
    "SliceThickness": 1,
    "SoftwareVersions": "27_LX_MR_Software_release:DV26.0_R01_1725.a",
    "SpacingBetweenSlices": 1,
    "StationName": "fmrif3ta",
    "acq_id": "mprage",
    "dataset": "ds002156",
    "modality": "T1w",
    "rec_id": "ORIG",
    "run_id": 1,
    "session_id": "02",
    "subject_id": "23638"
  },
  "cjv": 0.3585289885230662,
  "cnr": 3.7418601171864716,
  "efc": 0.5416690712258629,
  "fber": 3017.3491660964187,
  "fwhm_avg": 3.4489233333333336,
  "fwhm_x": 3.44129,
  "fwhm_y": 3.64184,
  "fwhm_z": 3.26364,
  "icvs_csf": 0.2584545421623104,
  "icvs_gm": 0.403646306888269,
  "icvs_wm": 0.3378991509494206,
  "inu_med": 0.912481963634491,
  "inu_range": 0.5772851705551149,
  "provenance": {
    "md5sum": "7c85fb9cd0785aa83a5be13a72cba1a8",
    "settings": {
      "testing": false
    },
    "software": "mriqc",
    "version": "22.0.1",
    "warnings": {
      "large_rot_frame": true,
      "small_air_mask": false
    },
    "webapi_port": null,
    "webapi_url": "https://mriqc.nimh.nih.gov/api/v1"
  },
  "qi_1": 7.187406490374743e-05,
  "qi_2": 0.0007333422447993543,
  "rpve_csf": 18.286488011005968,
  "rpve_gm": 11.463925310988698,
  "rpve_wm": 17.28901478022614,
  "size_x": 172,
  "size_y": 256,
  "size_z": 256,
  "snr_csf": 1.1944877636843443,
  "snr_gm": 5.2983532435724845,
  "snr_total": 6.89810479750989,
  "snr_wm": 14.201473385272841,
  "snrd_csf": 8.237271514438238,
  "snrd_gm": 38.23967181469389,
  "snrd_total": 39.253920892322,
  "snrd_wm": 71.28481934783387,
  "spacing_x": 1.0,
  "spacing_y": 1.0,
  "spacing_z": 1.0,
  "summary_bg_k": 12.548499575225202,
  "summary_bg_mad": 9.19056083981204,
  "summary_bg_mean": 9.320780795557543,
  "summary_bg_median": 6.198939085006714,
  "summary_bg_n": 2513543.0,
  "summary_bg_p05": 0.0,
  "summary_bg_p95": 31.028385311365128,
  "summary_bg_stdv": 11.80304458283163,
  "summary_csf_k": 2.6945674860891407,
  "summary_csf_mad": 84.21350856479945,
  "summary_csf_mean": 136.52167605094448,
  "summary_csf_median": 115.55631011724472,
  "summary_csf_n": 22487.0,
  "summary_csf_p05": 21.797356456518173,
  "summary_csf_p95": 322.73900409042864,
  "summary_csf_stdv": 96.73915815572023,
  "summary_gm_k": -0.03452750066379018,
  "summary_gm_mad": 100.17211828392959,
  "summary_gm_mean": 535.2132881697454,
  "summary_gm_median": 536.4440600574017,
  "summary_gm_n": 22418.0,
  "summary_gm_p05": 367.7150023430586,
  "summary_gm_p95": 703.1180347055196,
  "summary_gm_stdv": 101.24506062168562,
  "summary_wm_k": 0.6554125421505121,
  "summary_wm_mad": 66.03218168604086,
  "summary_wm_mean": 1000.6224118593376,
  "summary_wm_median": 1000.0168959796429,
  "summary_wm_n": 193981.0,
  "summary_wm_p05": 886.8862576782703,
  "summary_wm_p95": 1116.3143835961819,
  "summary_wm_stdv": 70.41623719111928,
  "tpm_overlap_csf": 0.15877541408178153,
  "tpm_overlap_gm": 0.42991430177325224,
  "tpm_overlap_wm": 0.4861970401952762,
  "wm2max": 0.5796124093175422
}