{
  "bids_meta": {
    "AcquisitionDateTime": "2018-11-13T14:17:36",
    "AcquisitionMatrixPE": 256,
    "AcquisitionNumber": 1,
    "BodyPartExamined": "BRAIN",
    "ConversionSoftware": "dcm2niix",
    "ConversionSoftwareVersion": "v1.0.20180622 GCC4.8.5",
    "DeviceSerialNumber": "000301496mr3T5mr",
    "EchoTime": 0.003476,
    "FlipAngle": 7,
    "ImageOrientationPatientDICOM": [
      0,
      1,
      0,
      0,
      0,
      -1
    ],
    "ImageType": [
      "ORIGINAL",
      "PRIMARY",
      "OTHER"
    ],
    "InPlanePhaseEncodingDirectionDICOM": "ROW",
    "InstitutionName": "NIH_FMRIF",
    "InversionTime": 0.9,
    "MRAcquisitionType": "3D",
    "MagneticFieldStrength": 3,
    "Manufacturer": "GE",
    "ManufacturersModelName": "DISCOVERY_MR750",
    "Modality": "MR",
    "PatientPosition": "HFS",
    "PercentPhaseFOV": 100,
    "PixelBandwidth": 195.312,
    "ProcedureStepDescription": "MRI_Procedure_Limited",
    "ProtocolName": "ORIG_anat_t1w_mp_rage_1mm",
    "ReconMatrixPE": 256,
    "RepetitionTime": 0.00766,
    "SAR": 0.082731,
    "ScanOptions": "EDR_GEMS_ACC_GEMS_IR_GEMS",
    "ScanningSequence": "RM",
    "SequenceVariant": "NONE",
    "SeriesDescription": "ORIG_anat_t1w_mp_rage_1mm",
    "SeriesNumber": 40005,
    "SliceThickness": 1,
    "SoftwareVersions": "27_LX_MR_Software_release:DV26.0_R01_1725.a",
    "SpacingBetweenSlices": 1,
    "StationName": "fmrif3ta",
    "acq_id": "mprage",
    "dataset": "ds002156",
    "modality": "T1w",
    "rec_id": "ORIG",
    "run_id": 1,
    "session_id": "04",
    "subject_id": "23638"
  },
  "cjv": 0.34239492340786726,
  "cnr": 3.920266707810152,
  "efc": 0.5298894280752622,
  "fber": 1886.3761869978086,
  "fwhm_avg": 3.4567366666666666,
  "fwhm_x": 3.4641,
  "fwhm_y": 3.6594,
  "fwhm_z": 3.24671,
  "icvs_csf": 0.2564999272821725,
  "icvs_gm": 0.408725939963211,
  "icvs_wm": 0.3347741327546165,
  "inu_med": 0.9338027238845825,
  "inu_range": 0.5558259189128876,
  "provenance": {
    "md5sum": "30366e95389a7dd7e64b0819362ea26f",
    "settings": {
      "testing": false
    },
    "software": "mriqc",
    "version": "22.0.1",
    "warnings": {
      "large_rot_frame": true,
      "small_air_mask": false
    },
    "webapi_port": null,
    "webapi_url": "https://mriqc.nimh.nih.gov/api/v1"
  },
  "qi_1": 0.0,
  "qi_2": 0.0006090172746089386,
  "rpve_csf": 18.25033670722427,
  "rpve_gm": 11.354461868843657,
  "rpve_wm": 17.347213661129402,
  "size_x": 172,
  "size_y": 256,
  "size_z": 256,
  "snr_csf": 1.2077880356504314,
  "snr_gm": 5.273498881130717,
  "snr_total": 6.988193630177725,
  "snr_wm": 14.483293973752026,
  "snrd_csf": 7.720089745760579,
  "snrd_gm": 35.46986115473463,
  "snrd_total": 36.98488785226729,
  "snrd_wm": 67.76471265630667,
  "spacing_x": 1.0,
  "spacing_y": 1.0,
  "spacing_z": 1.0,
  "summary_bg_k": 8.037131219221065,
  "summary_bg_mad": 9.668143663755778,
  "summary_bg_mean": 10.703408407556909,
  "summary_bg_median": 6.521063804626465,
  "summary_bg_n": 3068586.0,
  "summary_bg_p05": 0.0,
  "summary_bg_p95": 33.98543834686279,
  "summary_bg_stdv": 12.644850447407439,
  "summary_csf_k": 1.9973265247591518,
  "summary_csf_mad": 86.60405937956895,
  "summary_csf_mean": 134.02408962850922,
  "summary_csf_median": 113.9288501739502,
  "summary_csf_n": 25731.0,
  "summary_csf_p05": 21.90939426422119,
  "summary_csf_p95": 313.37334394454956,
  "summary_csf_stdv": 94.3266806305861,
  "summary_gm_k": -0.009108117322853992,
  "summary_gm_mad": 97.80682902169866,
  "summary_gm_mean": 525.7192281606568,
  "summary_gm_median": 523.4447565078735,
  "summary_gm_n": 23536.0,
  "summary_gm_p05": 366.2836685180664,
  "summary_gm_p95": 695.7871570587158,
  "summary_gm_stdv": 99.25737126354902,
  "summary_wm_k": 0.6298356706550816,
  "summary_wm_mad": 65.37506667872955,
  "summary_wm_mean": 1000.4280983695111,
  "summary_wm_median": 1000.0344619750977,
  "summary_wm_n": 197077.0,
  "summary_wm_p05": 888.4518146514893,
  "summary_wm_p95": 1113.2732524871826,
  "summary_wm_stdv": 69.0472710570801,
  "tpm_overlap_csf": 0.1641666783979038,
  "tpm_overlap_gm": 0.436627618486614,
  "tpm_overlap_wm": 0.4908401805231703,
  "wm2max": 0.5971070037938293
}