{
  "bids_meta": {
    "AcquisitionDateTime": "2018-11-13T14:07:15",
    "AcquisitionMatrixPE": 256,
    "AcquisitionNumber": 1,
    "BodyPartExamined": "HEAD",
    "ConversionSoftware": "dcm2niix",
    "ConversionSoftwareVersion": "v1.0.20180622 GCC4.8.5",
    "DeviceSerialNumber": "000301496mr3T5mr",
    "EchoTime": 0.10098,
    "EchoTrainLength": 16,
    "FlipAngle": 125,
    "ImageOrientationPatientDICOM": [
      0.99862,
      0.02929,
      -0.04365,
      -0.02975,
      0.99951,
      -0.00981
    ],
    "ImageType": [
      "ORIGINAL",
      "PRIMARY",
      "OTHER"
    ],
    "InPlanePhaseEncodingDirectionDICOM": "ROW",
    "InstitutionName": "NIH_FMRIF",
    "MRAcquisitionType": "2D",
    "MagneticFieldStrength": 3,
    "Manufacturer": "GE",
    "ManufacturersModelName": "DISCOVERY_MR750",
    "Modality": "MR",
    "PatientPosition": "HFS",
    "PercentPhaseFOV": 80,
    "PhaseEncodingAxis": "i",
    "PixelBandwidth": 488.281,
    "ProcedureStepDescription": "MRI_Procedure_Limited",
    "ProtocolName": "MID1_T2_Axial_2.0_mm",
    "ReconMatrixPE": 256,
    "RepetitionTime": 5,
    "SAR": 1.0639,
    "ScanOptions": "FAST_GEMS_FSA_GEMS",
    "ScanningSequence": "SE",
    "SequenceVariant": "SK",
    "SeriesDescription": "MID1_T2_Axial_2.0_mm",
    "SeriesNumber": 2,
    "SliceThickness": 2,
    "SoftwareVersions": "27_LX_MR_Software_release:DV26.0_R01_1725.a",
    "SpacingBetweenSlices": 2,
    "StationName": "fmrif3ta",
    "dataset": "ds002156",
    "modality": "T2w",
    "run_id": 1,
    "session_id": "04",
    "subject_id": "23638"
  },
  "cjv": 0.6343593098851837,
  "cnr": 1.4654893037320218,
  "efc": 0.5310560003891512,
  "fber": 4414.102143600416,
  "fwhm_avg": 3.0217125012524826,
  "fwhm_x": 3.19885,
  "fwhm_y": 3.57302,
  "fwhm_z": 2.2932675037574484,
  "icvs_csf": 0.3078213210053138,
  "icvs_gm": 0.14219522997996314,
  "icvs_wm": 0.5499834490147231,
  "inu_med": 1.0080847144126892,
  "inu_range": 0.49042612612247427,
  "provenance": {
    "md5sum": "e282089d256867812f6ccb7c495b711f",
    "settings": {
      "testing": false
    },
    "software": "mriqc",
    "version": "22.0.1",
    "warnings": {
      "large_rot_frame": true,
      "small_air_mask": false
    },
    "webapi_port": null,
    "webapi_url": "https://mriqc.nimh.nih.gov/api/v1"
  },
  "qi_1": 0.0,
  "qi_2": 0.0008619687377823396,
  "rpve_csf": 11.86987677899841,
  "rpve_gm": 32.780632659036094,
  "rpve_wm": 8.733759424495043,
  "size_x": 256,
  "size_y": 256,
  "size_z": 72,
  "snr_csf": 5.374275674177249,
  "snr_gm": 2.0474437376362755,
  "snr_total": 4.405065646388793,
  "snr_wm": 5.793477527352854,
  "snrd_csf": 32.09277531287324,
  "snrd_gm": 58.03492427845909,
  "snrd_total": 35.46958977805065,
  "snrd_wm": 16.281069742819607,
  "spacing_x": 1.0,
  "spacing_y": 1.0,
  "spacing_z": 2.0000152587890625,
  "summary_bg_k": 240.19671813882235,
  "summary_bg_mad": 0.0,
  "summary_bg_mean": 17.063382149781862,
  "summary_bg_median": 0.0,
  "summary_bg_n": 927779.0,
  "summary_bg_p05": 0.0,
  "summary_bg_p95": 51.301488131284714,
  "summary_bg_stdv": 42.32889827835671,
  "summary_csf_k": 0.8394590601403564,
  "summary_csf_mad": 355.94440941023373,
  "summary_csf_mean": 2116.397132737191,
  "summary_csf_median": 2073.5404439270496,
  "summary_csf_n": 143130.0,
  "summary_csf_p05": 1580.5470424033701,
  "summary_csf_p95": 2808.187862634659,
  "summary_csf_stdv": 385.82561187196166,
  "summary_gm_k": -0.8024308594520617,
  "summary_gm_mad": 1529.6242646497676,
  "summary_gm_mean": 3313.3890166726515,
  "summary_gm_median": 3749.683892354369,
  "summary_gm_n": 89881.0,
  "summary_gm_p05": 102.85569295287132,
  "summary_gm_p95": 5795.299142003059,
  "summary_gm_stdv": 1831.3875806265742,
  "summary_wm_k": -0.023387258416537993,
  "summary_wm_mad": 181.7189879620667,
  "summary_wm_mean": 1060.6419084366082,
  "summary_wm_median": 1051.9332233816385,
  "summary_wm_n": 323473.0,
  "summary_wm_p05": 774.7030141204596,
  "summary_wm_p95": 1371.6198366135359,
  "summary_wm_stdv": 181.57170583908902,
  "tpm_overlap_csf": 0.12166920387584546,
  "tpm_overlap_gm": 0.10383446332189941,
  "tpm_overlap_wm": 0.47701166068291495,
  "wm2max": 0.15454242082246475
}