{
  "bids_meta": {
    "AcquisitionDateTime": "2018-07-16T17:11:09",
    "AcquisitionMatrixPE": 256,
    "AcquisitionNumber": 1,
    "BodyPartExamined": "HEAD",
    "ConversionSoftware": "dcm2niix",
    "ConversionSoftwareVersion": "v1.0.20180622 GCC4.8.5",
    "DeviceSerialNumber": "000301496mr3T5mr",
    "EchoTime": 0.10122,
    "EchoTrainLength": 16,
    "FlipAngle": 125,
    "ImageOrientationPatientDICOM": [
      1,
      0,
      0,
      0,
      0.99999,
      0.00458
    ],
    "ImageType": [
      "ORIGINAL",
      "PRIMARY",
      "OTHER"
    ],
    "InPlanePhaseEncodingDirectionDICOM": "ROW",
    "InstitutionName": "NIH_FMRIF",
    "MRAcquisitionType": "2D",
    "MagneticFieldStrength": 3,
    "Manufacturer": "GE",
    "ManufacturersModelName": "DISCOVERY_MR750",
    "Modality": "MR",
    "PatientPosition": "HFS",
    "PercentPhaseFOV": 80,
    "PhaseEncodingAxis": "i",
    "PixelBandwidth": 488.281,
    "ProcedureStepDescription": "MRI_Procedure_Limited",
    "ProtocolName": "MID1_T2_Axial_2.0_mm",
    "ReconMatrixPE": 256,
    "RepetitionTime": 5,
    "SAR": 1.094,
    "ScanOptions": "FAST_GEMS_FSA_GEMS",
    "ScanningSequence": "SE",
    "SequenceVariant": "SK",
    "SeriesDescription": "MID1_T2_Axial_2.0_mm",
    "SeriesNumber": 3,
    "SliceThickness": 2,
    "SoftwareVersions": "27_LX_MR_Software_release:DV26.0_R01_1725.a",
    "SpacingBetweenSlices": 2,
    "StationName": "fmrif3ta",
    "dataset": "ds002156",
    "modality": "T2w",
    "run_id": 1,
    "session_id": "03",
    "subject_id": "23638"
  },
  "cjv": 0.6305008826327129,
  "cnr": 1.4326855829788105,
  "efc": 0.53078496952364,
  "fber": -1.0,
  "fwhm_avg": 2.956804345354009,
  "fwhm_x": 3.17107,
  "fwhm_y": 3.45961,
  "fwhm_z": 2.239733036062028,
  "icvs_csf": 0.30198980658315294,
  "icvs_gm": 0.13819680406997764,
  "icvs_wm": 0.5598133893468694,
  "inu_med": 0.9786925315856934,
  "inu_range": 0.4732962250709535,
  "provenance": {
    "md5sum": "261ccfe1be73852370f36a3914ed9bb3",
    "settings": {
      "testing": false
    },
    "software": "mriqc",
    "version": "22.0.1",
    "warnings": {
      "large_rot_frame": true,
      "small_air_mask": false
    },
    "webapi_port": null,
    "webapi_url": "https://mriqc.nimh.nih.gov/api/v1"
  },
  "qi_1": 0.0,
  "qi_2": 0.0010414373526336403,
  "rpve_csf": 11.82957346479477,
  "rpve_gm": 33.98039251094321,
  "rpve_wm": 8.476129731623725,
  "size_x": 256,
  "size_y": 256,
  "size_z": 72,
  "snr_csf": 5.207793685140233,
  "snr_gm": 2.02861148511728,
  "snr_total": 4.31311367530838,
  "snr_wm": 5.702935855667627,
  "snrd_csf": 30.882437274116334,
  "snrd_gm": 52.98091732498878,
  "snrd_total": 33.072422556285694,
  "snrd_wm": 15.353913069751968,
  "spacing_x": 1.0,
  "spacing_y": 1.0,
  "spacing_z": 1.9999258518218994,
  "summary_bg_k": 175.8345012038042,
  "summary_bg_mad": 0.0,
  "summary_bg_mean": 17.231722366243872,
  "summary_bg_median": 0.0,
  "summary_bg_n": 997299.0,
  "summary_bg_p05": 0.0,
  "summary_bg_p95": 58.75509202480316,
  "summary_bg_stdv": 44.96257269094335,
  "summary_csf_k": 0.7959112035781626,
  "summary_csf_mad": 375.35107962577297,
  "summary_csf_mean": 2168.7404546354073,
  "summary_csf_median": 2119.4881414175034,
  "summary_csf_n": 141917.0,
  "summary_csf_p05": 1610.3316390037537,
  "summary_csf_p95": 2905.2007898569086,
  "summary_csf_stdv": 406.982457869036,
  "summary_gm_k": -0.970282944051228,
  "summary_gm_mad": 1443.1007041126916,
  "summary_gm_mean": 3121.5804966205947,
  "summary_gm_median": 3636.12576931715,
  "summary_gm_n": 89932.0,
  "summary_gm_p05": 85.74753034114838,
  "summary_gm_p95": 5465.439381498098,
  "summary_gm_stdv": 1792.4110062295783,
  "summary_wm_k": -0.032011026216105076,
  "summary_wm_mad": 185.08810130443678,
  "summary_wm_mean": 1063.9486317597614,
  "summary_wm_median": 1053.7522147893906,
  "summary_wm_n": 330645.0,
  "summary_wm_p05": 774.287400841713,
  "summary_wm_p95": 1381.268222808838,
  "summary_wm_stdv": 184.77336024413162,
  "tpm_overlap_csf": 0.12367927165959351,
  "tpm_overlap_gm": 0.09721344998099901,
  "tpm_overlap_wm": 0.47326023222243263,
  "wm2max": 0.17819372884976245
}