{
  "aor": 0.0010028865979381445,
  "aqi": 0.007381616288659794,
  "bids_meta": {
    "AcquisitionDateTime": "2018-11-13T14:24:30",
    "AcquisitionMatrixPE": 64,
    "AcquisitionNumber": 1,
    "BodyPartExamined": "HEAD",
    "ConversionSoftware": "dcm2niix",
    "ConversionSoftwareVersion": "v1.0.20180622 GCC4.8.5",
    "DeviceSerialNumber": "000301496mr3T5mr",
    "EchoTime": 0.055799999999999995,
    "EffectiveEchoSpacing": 0.000396,
    "FlipAngle": 80,
    "ImageOrientationPatientDICOM": [
      0.9992,
      0,
      -0.03987,
      -0.00225,
      0.99841,
      -0.0564
    ],
    "ImageType": [
      "ORIGINAL",
      "PRIMARY",
      "EPI",
      "NONE"
    ],
    "InPlanePhaseEncodingDirectionDICOM": "COL",
    "InstitutionName": "NIH_FMRIF",
    "MRAcquisitionType": "2D",
    "MagneticFieldStrength": 3,
    "Manufacturer": "GE",
    "ManufacturersModelName": "DISCOVERY_MR750",
    "Modality": "MR",
    "PatientPosition": "HFS",
    "PercentPhaseFOV": 100,
    "PhaseEncodingAxis": "j",
    "PhaseEncodingDirection": "j",
    "PixelBandwidth": 7812.5,
    "ProcedureStepDescription": "MRI_Procedure_Limited",
    "ProtocolName": "MID1_Axial_ME_Rest_EPI_3mm_iso.axial",
    "ReconMatrixPE": 64,
    "RepetitionTime": 2.5,
    "SAR": 0.105811,
    "ScanOptions": "EPI_GEMS_ACC_GEMS",
    "ScanningSequence": "EP_RM",
    "SequenceVariant": "NONE",
    "SeriesDescription": "MID1_Axial_ME_Rest_EPI_3mm_iso.axial",
    "SeriesNumber": 6,
    "SliceThickness": 3,
    "SliceTiming": [
      0.0,
      1.25,
      0.078125,
      1.328125,
      0.15625,
      1.40625,
      0.234375,
      1.484375,
      0.3125,
      1.5625,
      0.390625,
      1.640625,
      0.46875,
      1.71875,
      0.546875,
      1.796875,
      0.625,
      1.875,
      0.703125,
      1.953125,
      0.78125,
      2.03125,
      0.859375,
      2.109375,
      0.9375,
      2.1875,
      1.015625,
      2.265625,
      1.09375,
      2.34375,
      1.171875,
      2.421875
    ],
    "SoftwareVersions": "27_LX_MR_Software_release:DV26.0_R01_1725.a",
    "SpacingBetweenSlices": 4,
    "StationName": "fmrif3ta",
    "TaskName": "rest",
    "TotalReadoutTime": 0.024948,
    "dataset": "ds002156",
    "modality": "bold",
    "run_id": 1,
    "session_id": "04",
    "subject_id": "23638",
    "task_id": "rest"
  },
  "dummy_trs": 2,
  "dvars_nstd": 24.674618795492226,
  "dvars_std": 1.0599753165284973,
  "dvars_vstd": 0.954891221968912,
  "efc": 0.42530373607188493,
  "fber": 10226.5107421875,
  "fd_mean": 0.050805439333253745,
  "fd_num": 2,
  "fd_perc": 1.0309278350515463,
  "fwhm_avg": 1.7651125917217245,
  "fwhm_x": 1.7526773333333334,
  "fwhm_y": 1.871168,
  "fwhm_z": 1.6714924418318404,
  "gcor": 0.00765288,
  "gsr_x": -0.011230658739805222,
  "gsr_y": 0.022946082055568695,
  "provenance": {
    "md5sum": "accb6c87dd43a7349bed5610cbd9ce07",
    "settings": {
      "fd_thres": 0.2,
      "testing": false
    },
    "software": "mriqc",
    "version": "22.0.1",
    "webapi_port": null,
    "webapi_url": "https://mriqc.nimh.nih.gov/api/v1"
  },
  "size_t": 194,
  "size_x": 64,
  "size_y": 64,
  "size_z": 32,
  "snr": 3.501206335110103,
  "spacing_tr": 2.5,
  "spacing_x": 3.75,
  "spacing_y": 3.75,
  "spacing_z": 3.9998984336853027,
  "summary_bg_k": 92.34596643848772,
  "summary_bg_mad": 17.691875789951983,
  "summary_bg_mean": 41.4987678527832,
  "summary_bg_median": 12.97938060760498,
  "summary_bg_n": 86047.0,
  "summary_bg_p05": 0.1855670064687729,
  "summary_bg_p95": 174.0041152954101,
  "summary_bg_stdv": 97.72538757324219,
  "summary_fg_k": 2.0638222595284867,
  "summary_fg_mad": 309.9364373358374,
  "summary_fg_mean": 1302.3792724609375,
  "summary_fg_median": 1252.9716796875,
  "summary_fg_n": 16894.0,
  "summary_fg_p05": 816.3296173095703,
  "summary_fg_p95": 1947.6365173339836,
  "summary_fg_stdv": 357.85797119140625,
  "tsnr": 40.320321934414096
}