{
  "aor": 0.0007379381443298969,
  "aqi": 0.006293276185567011,
  "bids_meta": {
    "AcquisitionDateTime": "2018-07-16T17:27:27",
    "AcquisitionMatrixPE": 64,
    "AcquisitionNumber": 1,
    "BodyPartExamined": "HEAD",
    "ConversionSoftware": "dcm2niix",
    "ConversionSoftwareVersion": "v1.0.20180622 GCC4.8.5",
    "DeviceSerialNumber": "000301496mr3T5mr",
    "EchoTime": 0.0422,
    "EffectiveEchoSpacing": 0.000396,
    "FlipAngle": 80,
    "ImageOrientationPatientDICOM": [
      1,
      0,
      0,
      0,
      0.99999,
      -0.00484
    ],
    "ImageType": [
      "ORIGINAL",
      "PRIMARY",
      "EPI",
      "NONE"
    ],
    "InPlanePhaseEncodingDirectionDICOM": "COL",
    "InstitutionName": "NIH_FMRIF",
    "MRAcquisitionType": "2D",
    "MagneticFieldStrength": 3,
    "Manufacturer": "GE",
    "ManufacturersModelName": "DISCOVERY_MR750",
    "Modality": "MR",
    "PatientPosition": "HFS",
    "PercentPhaseFOV": 100,
    "PhaseEncodingAxis": "j",
    "PhaseEncodingDirection": "j",
    "PixelBandwidth": 7812.5,
    "ProcedureStepDescription": "MRI_Procedure_Limited",
    "ProtocolName": "MID1_Axial_ME_Rest_EPI_3mm_iso.axial",
    "ReconMatrixPE": 64,
    "RepetitionTime": 2.5,
    "SAR": 0.107669,
    "ScanOptions": "EPI_GEMS_ACC_GEMS",
    "ScanningSequence": "EP_RM",
    "SequenceVariant": "NONE",
    "SeriesDescription": "MID1_Axial_ME_Rest_EPI_3mm_iso.axial",
    "SeriesNumber": 6,
    "SliceThickness": 3,
    "SliceTiming": [
      0.0,
      1.25,
      0.078125,
      1.328125,
      0.15625,
      1.40625,
      0.234375,
      1.484375,
      0.3125,
      1.5625,
      0.390625,
      1.640625,
      0.46875,
      1.71875,
      0.546875,
      1.796875,
      0.625,
      1.875,
      0.703125,
      1.953125,
      0.78125,
      2.03125,
      0.859375,
      2.109375,
      0.9375,
      2.1875,
      1.015625,
      2.265625,
      1.09375,
      2.34375,
      1.171875,
      2.421875
    ],
    "SoftwareVersions": "27_LX_MR_Software_release:DV26.0_R01_1725.a",
    "SpacingBetweenSlices": 4,
    "StationName": "fmrif3ta",
    "TaskName": "rest",
    "TotalReadoutTime": 0.024948,
    "dataset": "ds002156",
    "modality": "bold",
    "run_id": 1,
    "session_id": "03",
    "subject_id": "23638",
    "task_id": "rest"
  },
  "dummy_trs": 2,
  "dvars_nstd": 22.245618217357524,
  "dvars_std": 1.093828518290155,
  "dvars_vstd": 0.9582561851295335,
  "efc": 0.4381855647615402,
  "fber": 18793.734375,
  "fd_mean": 0.05684131194882309,
  "fd_num": 0,
  "fd_perc": 0.0,
  "fwhm_avg": 1.8727077827806875,
  "fwhm_x": 1.838,
  "fwhm_y": 1.9856854595798148,
  "fwhm_z": 1.7944378887622474,
  "gcor": 0.0179499,
  "gsr_x": -0.0008964715525507927,
  "gsr_y": 0.020932111889123917,
  "provenance": {
    "md5sum": "582f3a00956c895b8a8486ef22bd8e94",
    "settings": {
      "fd_thres": 0.2,
      "testing": false
    },
    "software": "mriqc",
    "version": "22.0.1",
    "webapi_port": null,
    "webapi_url": "https://mriqc.nimh.nih.gov/api/v1"
  },
  "size_t": 194,
  "size_x": 64,
  "size_y": 64,
  "size_z": 32,
  "snr": 3.9419385279602985,
  "spacing_tr": 2.5,
  "spacing_x": 3.75,
  "spacing_y": 3.749999761581421,
  "spacing_z": 3.9999489784240723,
  "summary_bg_k": 52.48094173986375,
  "summary_bg_mad": 17.14163243015271,
  "summary_bg_mean": 57.541648864746094,
  "summary_bg_median": 12.56185531616211,
  "summary_bg_n": 84358.0,
  "summary_bg_p05": 0.2989690601825714,
  "summary_bg_p95": 266.0067001342773,
  "summary_bg_stdv": 148.14224243164062,
  "summary_fg_k": 1.014355796073989,
  "summary_fg_mad": 381.8694302273458,
  "summary_fg_mean": 1679.196044921875,
  "summary_fg_median": 1626.5927734375,
  "summary_fg_n": 18479.0,
  "summary_fg_p05": 1112.52060546875,
  "summary_fg_p95": 2428.382812499999,
  "summary_fg_stdv": 412.6266174316406,
  "tsnr": 50.7315357697662
}