{
  "aor": 0.0015638341968911916,
  "aqi": 0.00953923829015544,
  "bids_meta": {
    "AcquisitionDateTime": "2017-11-13T16:34:09",
    "AcquisitionMatrixPE": 64,
    "AcquisitionNumber": 1,
    "BodyPartExamined": "HEAD",
    "ConversionSoftware": "dcm2niix",
    "ConversionSoftwareVersion": "v1.0.20180622 GCC4.8.5",
    "DeviceSerialNumber": "000301496mr3T5mr",
    "EchoTime": 0.0423,
    "EffectiveEchoSpacing": 0.000396,
    "FlipAngle": 80,
    "ImageOrientationPatientDICOM": [
      1,
      0,
      0,
      0,
      0.991711,
      -0.128485
    ],
    "ImageType": [
      "ORIGINAL",
      "PRIMARY",
      "EPI",
      "NONE"
    ],
    "InPlanePhaseEncodingDirectionDICOM": "COL",
    "InstitutionName": "NIH_FMRIF",
    "MRAcquisitionType": "2D",
    "MagneticFieldStrength": 3,
    "Manufacturer": "GE",
    "ManufacturersModelName": "DISCOVERY_MR750",
    "Modality": "MR",
    "PatientPosition": "HFS",
    "PercentPhaseFOV": 100,
    "PhaseEncodingAxis": "j",
    "PhaseEncodingDirection": "j",
    "PixelBandwidth": 7812.5,
    "ProcedureStepDescription": "MRI_Brain",
    "ProtocolName": "MID1_Axial_ME_Rest_EPI_3mm_iso.axial",
    "ReconMatrixPE": 64,
    "RepetitionTime": 2.5,
    "SAR": 0.209549,
    "ScanOptions": "EPI_GEMS_ACC_GEMS",
    "ScanningSequence": "EP_RM",
    "SequenceVariant": "NONE",
    "SeriesDescription": "MID1_Axial_ME_Rest_EPI_3mm_iso.axial",
    "SeriesNumber": 9,
    "SliceThickness": 3,
    "SliceTiming": [
      0.0,
      1.25,
      0.078125,
      1.328125,
      0.15625,
      1.40625,
      0.234375,
      1.484375,
      0.3125,
      1.5625,
      0.390625,
      1.640625,
      0.46875,
      1.71875,
      0.546875,
      1.796875,
      0.625,
      1.875,
      0.703125,
      1.953125,
      0.78125,
      2.03125,
      0.859375,
      2.109375,
      0.9375,
      2.1875,
      1.015625,
      2.265625,
      1.09375,
      2.34375,
      1.171875,
      2.421875
    ],
    "SoftwareVersions": "27_LX_MR_Software_release:DV25.1_R01_1617.b",
    "SpacingBetweenSlices": 4,
    "StationName": "fmrif3ta",
    "TaskName": "rest",
    "TotalReadoutTime": 0.024948,
    "dataset": "ds002156",
    "modality": "bold",
    "run_id": 1,
    "session_id": "01",
    "subject_id": "23638",
    "task_id": "rest"
  },
  "dummy_trs": 3,
  "dvars_nstd": 25.738922913749988,
  "dvars_std": 1.1047041380729168,
  "dvars_vstd": 0.9560240589583328,
  "efc": 0.44099372793178143,
  "fber": 19005.970703125,
  "fd_mean": 0.08364479039969858,
  "fd_num": 5,
  "fd_perc": 2.5906735751295336,
  "fwhm_avg": 2.0390229803190647,
  "fwhm_x": 1.9960053333333332,
  "fwhm_y": 2.1276906666666666,
  "fwhm_z": 1.9933729409571936,
  "gcor": 0.0293711,
  "gsr_x": -0.006654413882642984,
  "gsr_y": 0.025220636278390884,
  "provenance": {
    "md5sum": "f990cd97a4385267c34f9c54073f417b",
    "settings": {
      "fd_thres": 0.2,
      "testing": false
    },
    "software": "mriqc",
    "version": "22.0.1",
    "webapi_port": null,
    "webapi_url": "https://mriqc.nimh.nih.gov/api/v1"
  },
  "size_t": 193,
  "size_x": 64,
  "size_y": 64,
  "size_z": 32,
  "snr": 3.568747652139817,
  "spacing_tr": 2.5,
  "spacing_x": 3.75,
  "spacing_y": 3.75,
  "spacing_z": 3.9999639987945557,
  "summary_bg_k": 61.249956824154935,
  "summary_bg_mad": 18.121547150980483,
  "summary_bg_mean": 67.33111572265625,
  "summary_bg_median": 13.160621643066406,
  "summary_bg_n": 84085.0,
  "summary_bg_p05": 0.31606218218803406,
  "summary_bg_p95": 329.5305541992188,
  "summary_bg_stdv": 174.1924591064453,
  "summary_fg_k": 1.0755963083622442,
  "summary_fg_mad": 427.47338403853473,
  "summary_fg_mean": 1797.9698486328125,
  "summary_fg_median": 1722.818603515625,
  "summary_fg_n": 18519.0,
  "summary_fg_p05": 1163.0953002929687,
  "summary_fg_p95": 2723.0891357421865,
  "summary_fg_stdv": 482.7385559082031,
  "tsnr": 41.72579005360603
}