{
  "aor": 0.001694663212435233,
  "aqi": 0.004297925699481866,
  "bids_meta": {
    "AcquisitionDateTime": "2017-11-13T16:34:09",
    "AcquisitionMatrixPE": 64,
    "AcquisitionNumber": 1,
    "BodyPartExamined": "HEAD",
    "ConversionSoftware": "dcm2niix",
    "ConversionSoftwareVersion": "v1.0.20180622 GCC4.8.5",
    "DeviceSerialNumber": "000301496mr3T5mr",
    "EchoTime": 0.015099999999999999,
    "EffectiveEchoSpacing": 0.000396,
    "FlipAngle": 80,
    "ImageOrientationPatientDICOM": [
      1,
      0,
      0,
      0,
      0.991711,
      -0.128485
    ],
    "ImageType": [
      "ORIGINAL",
      "PRIMARY",
      "EPI",
      "NONE"
    ],
    "InPlanePhaseEncodingDirectionDICOM": "COL",
    "InstitutionName": "NIH_FMRIF",
    "MRAcquisitionType": "2D",
    "MagneticFieldStrength": 3,
    "Manufacturer": "GE",
    "ManufacturersModelName": "DISCOVERY_MR750",
    "Modality": "MR",
    "PatientPosition": "HFS",
    "PercentPhaseFOV": 100,
    "PhaseEncodingAxis": "j",
    "PhaseEncodingDirection": "j",
    "PixelBandwidth": 7812.5,
    "ProcedureStepDescription": "MRI_Brain",
    "ProtocolName": "MID1_Axial_ME_Rest_EPI_3mm_iso.axial",
    "ReconMatrixPE": 64,
    "RepetitionTime": 2.5,
    "SAR": 0.209549,
    "ScanOptions": "EPI_GEMS_ACC_GEMS",
    "ScanningSequence": "EP_RM",
    "SequenceVariant": "NONE",
    "SeriesDescription": "MID1_Axial_ME_Rest_EPI_3mm_iso.axial",
    "SeriesNumber": 9,
    "SliceThickness": 3,
    "SliceTiming": [
      0.0,
      1.25,
      0.078125,
      1.328125,
      0.15625,
      1.40625,
      0.234375,
      1.484375,
      0.3125,
      1.5625,
      0.390625,
      1.640625,
      0.46875,
      1.71875,
      0.546875,
      1.796875,
      0.625,
      1.875,
      0.703125,
      1.953125,
      0.78125,
      2.03125,
      0.859375,
      2.109375,
      0.9375,
      2.1875,
      1.015625,
      2.265625,
      1.09375,
      2.34375,
      1.171875,
      2.421875
    ],
    "SoftwareVersions": "27_LX_MR_Software_release:DV25.1_R01_1617.b",
    "SpacingBetweenSlices": 4,
    "StationName": "fmrif3ta",
    "TaskName": "rest",
    "TotalReadoutTime": 0.024948,
    "dataset": "ds002156",
    "modality": "bold",
    "run_id": 1,
    "session_id": "01",
    "subject_id": "23638",
    "task_id": "rest"
  },
  "dummy_trs": 3,
  "dvars_nstd": 24.768303533437514,
  "dvars_std": 1.5131501393229156,
  "dvars_vstd": 0.9528676593749997,
  "efc": 0.5003296986614537,
  "fber": 22812.484375,
  "fd_mean": 0.0720810324538395,
  "fd_num": 3,
  "fd_perc": 1.5544041450777202,
  "fwhm_avg": 2.4990265482073295,
  "fwhm_x": 2.199864,
  "fwhm_y": 2.559016,
  "fwhm_z": 2.7381996446219885,
  "gcor": 0.0185739,
  "gsr_x": -0.013175304047763348,
  "gsr_y": 0.05969725549221039,
  "provenance": {
    "md5sum": "76385173dd68100d4e4492837ceba0c3",
    "settings": {
      "fd_thres": 0.2,
      "testing": false
    },
    "software": "mriqc",
    "version": "22.0.1",
    "webapi_port": null,
    "webapi_url": "https://mriqc.nimh.nih.gov/api/v1"
  },
  "size_t": 193,
  "size_x": 64,
  "size_y": 64,
  "size_z": 32,
  "snr": 3.5879515264404023,
  "spacing_tr": 2.5,
  "spacing_x": 3.75,
  "spacing_y": 3.75,
  "spacing_z": 3.9999639987945557,
  "summary_bg_k": 23.048335963521332,
  "summary_bg_mad": 27.166956854550254,
  "summary_bg_mean": 219.09005737304688,
  "summary_bg_median": 19.116580963134766,
  "summary_bg_n": 78172.0,
  "summary_bg_p05": 0.31606218218803406,
  "summary_bg_p95": 1409.7139282226562,
  "summary_bg_stdv": 620.7823486328125,
  "summary_fg_k": 1.4993707106096723,
  "summary_fg_mad": 687.2820485868933,
  "summary_fg_mean": 3015.7578125,
  "summary_fg_median": 2863.23828125,
  "summary_fg_n": 22097.0,
  "summary_fg_p05": 2059.101513671875,
  "summary_fg_p95": 4567.95625,
  "summary_fg_stdv": 797.9967041015625,
  "tsnr": 69.57149254856631
}