{
  "aor": 0.001462642487046632,
  "aqi": 0.006909653937823833,
  "bids_meta": {
    "AcquisitionDateTime": "2017-11-13T16:34:09",
    "AcquisitionMatrixPE": 64,
    "AcquisitionNumber": 1,
    "BodyPartExamined": "HEAD",
    "ConversionSoftware": "dcm2niix",
    "ConversionSoftwareVersion": "v1.0.20180622 GCC4.8.5",
    "DeviceSerialNumber": "000301496mr3T5mr",
    "EchoTime": 0.0287,
    "EffectiveEchoSpacing": 0.000396,
    "FlipAngle": 80,
    "ImageOrientationPatientDICOM": [
      1,
      0,
      0,
      0,
      0.991711,
      -0.128485
    ],
    "ImageType": [
      "ORIGINAL",
      "PRIMARY",
      "EPI",
      "NONE"
    ],
    "InPlanePhaseEncodingDirectionDICOM": "COL",
    "InstitutionName": "NIH_FMRIF",
    "MRAcquisitionType": "2D",
    "MagneticFieldStrength": 3,
    "Manufacturer": "GE",
    "ManufacturersModelName": "DISCOVERY_MR750",
    "Modality": "MR",
    "PatientPosition": "HFS",
    "PercentPhaseFOV": 100,
    "PhaseEncodingAxis": "j",
    "PhaseEncodingDirection": "j",
    "PixelBandwidth": 7812.5,
    "ProcedureStepDescription": "MRI_Brain",
    "ProtocolName": "MID1_Axial_ME_Rest_EPI_3mm_iso.axial",
    "ReconMatrixPE": 64,
    "RepetitionTime": 2.5,
    "SAR": 0.209549,
    "ScanOptions": "EPI_GEMS_ACC_GEMS",
    "ScanningSequence": "EP_RM",
    "SequenceVariant": "NONE",
    "SeriesDescription": "MID1_Axial_ME_Rest_EPI_3mm_iso.axial",
    "SeriesNumber": 9,
    "SliceThickness": 3,
    "SliceTiming": [
      0.0,
      1.25,
      0.078125,
      1.328125,
      0.15625,
      1.40625,
      0.234375,
      1.484375,
      0.3125,
      1.5625,
      0.390625,
      1.640625,
      0.46875,
      1.71875,
      0.546875,
      1.796875,
      0.625,
      1.875,
      0.703125,
      1.953125,
      0.78125,
      2.03125,
      0.859375,
      2.109375,
      0.9375,
      2.1875,
      1.015625,
      2.265625,
      1.09375,
      2.34375,
      1.171875,
      2.421875
    ],
    "SoftwareVersions": "27_LX_MR_Software_release:DV25.1_R01_1617.b",
    "SpacingBetweenSlices": 4,
    "StationName": "fmrif3ta",
    "TaskName": "rest",
    "TotalReadoutTime": 0.024948,
    "dataset": "ds002156",
    "modality": "bold",
    "run_id": 1,
    "session_id": "01",
    "subject_id": "23638",
    "task_id": "rest"
  },
  "dummy_trs": 3,
  "dvars_nstd": 21.769293616458324,
  "dvars_std": 1.143160823854166,
  "dvars_vstd": 0.9545471020833335,
  "efc": 0.46454694292935655,
  "fber": 22444.138671875,
  "fd_mean": 0.07993857217953547,
  "fd_num": 3,
  "fd_perc": 1.5544041450777202,
  "fwhm_avg": 2.2979325472768926,
  "fwhm_x": 2.177805333333333,
  "fwhm_y": 2.366978666666667,
  "fwhm_z": 2.3490136418306777,
  "gcor": 0.0301774,
  "gsr_x": -0.006579054053872824,
  "gsr_y": 0.03704052045941353,
  "provenance": {
    "md5sum": "9ea7b6db7907f98adfdfc5f1f9e3d7e1",
    "settings": {
      "fd_thres": 0.2,
      "testing": false
    },
    "software": "mriqc",
    "version": "22.0.1",
    "webapi_port": null,
    "webapi_url": "https://mriqc.nimh.nih.gov/api/v1"
  },
  "size_t": 193,
  "size_x": 64,
  "size_y": 64,
  "size_z": 32,
  "snr": 3.631056217958032,
  "spacing_tr": 2.5,
  "spacing_x": 3.75,
  "spacing_y": 3.75,
  "spacing_z": 3.9999639987945557,
  "summary_bg_k": 31.1065697139275,
  "summary_bg_mad": 21.85493926322661,
  "summary_bg_mean": 113.84458923339844,
  "summary_bg_median": 15.590673446655273,
  "summary_bg_n": 81945.0,
  "summary_bg_p05": 0.3108808100223541,
  "summary_bg_p95": 650.0051513671878,
  "summary_bg_stdv": 308.8622741699219,
  "summary_fg_k": 1.1347020420277278,
  "summary_fg_mad": 545.0984688369855,
  "summary_fg_mean": 2341.301025390625,
  "summary_fg_median": 2230.5751953125,
  "summary_fg_n": 20007.0,
  "summary_fg_p05": 1561.88701171875,
  "summary_fg_p95": 3530.7636718750005,
  "summary_fg_stdv": 614.2894287109375,
  "tsnr": 53.23428709991276
}