{
  "aor": 0.001657616580310881,
  "aqi": 0.0132509885492228,
  "bids_meta": {
    "AcquisitionDateTime": "2017-11-13T16:34:09",
    "AcquisitionMatrixPE": 64,
    "AcquisitionNumber": 1,
    "BodyPartExamined": "HEAD",
    "ConversionSoftware": "dcm2niix",
    "ConversionSoftwareVersion": "v1.0.20180622 GCC4.8.5",
    "DeviceSerialNumber": "000301496mr3T5mr",
    "EchoTime": 0.0559,
    "EffectiveEchoSpacing": 0.000396,
    "FlipAngle": 80,
    "ImageOrientationPatientDICOM": [
      1,
      0,
      0,
      0,
      0.991711,
      -0.128485
    ],
    "ImageType": [
      "ORIGINAL",
      "PRIMARY",
      "EPI",
      "NONE"
    ],
    "InPlanePhaseEncodingDirectionDICOM": "COL",
    "InstitutionName": "NIH_FMRIF",
    "MRAcquisitionType": "2D",
    "MagneticFieldStrength": 3,
    "Manufacturer": "GE",
    "ManufacturersModelName": "DISCOVERY_MR750",
    "Modality": "MR",
    "PatientPosition": "HFS",
    "PercentPhaseFOV": 100,
    "PhaseEncodingAxis": "j",
    "PhaseEncodingDirection": "j",
    "PixelBandwidth": 7812.5,
    "ProcedureStepDescription": "MRI_Brain",
    "ProtocolName": "MID1_Axial_ME_Rest_EPI_3mm_iso.axial",
    "ReconMatrixPE": 64,
    "RepetitionTime": 2.5,
    "SAR": 0.209549,
    "ScanOptions": "EPI_GEMS_ACC_GEMS",
    "ScanningSequence": "EP_RM",
    "SequenceVariant": "NONE",
    "SeriesDescription": "MID1_Axial_ME_Rest_EPI_3mm_iso.axial",
    "SeriesNumber": 9,
    "SliceThickness": 3,
    "SliceTiming": [
      0.0,
      1.25,
      0.078125,
      1.328125,
      0.15625,
      1.40625,
      0.234375,
      1.484375,
      0.3125,
      1.5625,
      0.390625,
      1.640625,
      0.46875,
      1.71875,
      0.546875,
      1.796875,
      0.625,
      1.875,
      0.703125,
      1.953125,
      0.78125,
      2.03125,
      0.859375,
      2.109375,
      0.9375,
      2.1875,
      1.015625,
      2.265625,
      1.09375,
      2.34375,
      1.171875,
      2.421875
    ],
    "SoftwareVersions": "27_LX_MR_Software_release:DV25.1_R01_1617.b",
    "SpacingBetweenSlices": 4,
    "StationName": "fmrif3ta",
    "TaskName": "rest",
    "TotalReadoutTime": 0.024948,
    "dataset": "ds002156",
    "modality": "bold",
    "run_id": 1,
    "session_id": "01",
    "subject_id": "23638",
    "task_id": "rest"
  },
  "dummy_trs": 3,
  "dvars_nstd": 30.624329120468747,
  "dvars_std": 1.0659356615624995,
  "dvars_vstd": 0.9560119889062503,
  "efc": 0.4261589841281657,
  "fber": 13362.583984375,
  "fd_mean": 0.08225033675595346,
  "fd_num": 5,
  "fd_perc": 2.5906735751295336,
  "fwhm_avg": 1.808608769282748,
  "fwhm_x": 1.7947733333333333,
  "fwhm_y": 1.9117199999999999,
  "fwhm_z": 1.7193329745149106,
  "gcor": 0.0275549,
  "gsr_x": -0.010295123793184757,
  "gsr_y": 0.025542182847857475,
  "provenance": {
    "md5sum": "f4b930e1e6bb4293c4c01eeef6690b9a",
    "settings": {
      "fd_thres": 0.2,
      "testing": false
    },
    "software": "mriqc",
    "version": "22.0.1",
    "webapi_port": null,
    "webapi_url": "https://mriqc.nimh.nih.gov/api/v1"
  },
  "size_t": 193,
  "size_x": 64,
  "size_y": 64,
  "size_z": 32,
  "snr": 3.3192179253836844,
  "spacing_tr": 2.5,
  "spacing_x": 3.75,
  "spacing_y": 3.75,
  "spacing_z": 3.9999639987945557,
  "summary_bg_k": 120.908332740766,
  "summary_bg_mad": 15.932212656551856,
  "summary_bg_mean": 44.90336608886719,
  "summary_bg_median": 11.839378356933594,
  "summary_bg_n": 85614.0,
  "summary_bg_p05": 0.3108808100223541,
  "summary_bg_p95": 199.71865310668937,
  "summary_bg_stdv": 108.76101684570312,
  "summary_fg_k": 1.0934755033088726,
  "summary_fg_mad": 350.72374375404445,
  "summary_fg_mean": 1370.3944091796875,
  "summary_fg_median": 1309.865234375,
  "summary_fg_n": 17279.0,
  "summary_fg_p05": 838.5502502441407,
  "summary_fg_p95": 2125.178637695312,
  "summary_fg_stdv": 394.6192626953125,
  "tsnr": 33.1222083857283
}