{
  "aor": 0.0007527692307692307,
  "aqi": 0.009300999025641025,
  "bids_meta": {
    "AcquisitionDateTime": "2018-03-12T19:08:48",
    "AcquisitionMatrixPE": 64,
    "AcquisitionNumber": 1,
    "BodyPartExamined": "HEAD",
    "ConversionSoftware": "dcm2niix",
    "ConversionSoftwareVersion": "v1.0.20180622 GCC4.8.5",
    "DeviceSerialNumber": "000301496mr3T5mr",
    "EchoTime": 0.055799999999999995,
    "EffectiveEchoSpacing": 0.000396,
    "FlipAngle": 80,
    "ImageOrientationPatientDICOM": [
      1,
      0,
      0,
      0,
      0.998,
      -0.06317
    ],
    "ImageType": [
      "ORIGINAL",
      "PRIMARY",
      "EPI",
      "NONE"
    ],
    "InPlanePhaseEncodingDirectionDICOM": "COL",
    "InstitutionName": "NIH_FMRIF",
    "MRAcquisitionType": "2D",
    "MagneticFieldStrength": 3,
    "Manufacturer": "GE",
    "ManufacturersModelName": "DISCOVERY_MR750",
    "Modality": "MR",
    "PatientPosition": "HFS",
    "PercentPhaseFOV": 100,
    "PhaseEncodingAxis": "j",
    "PhaseEncodingDirection": "j",
    "PixelBandwidth": 7812.5,
    "ProcedureStepDescription": "MRI_Procedure_Limited",
    "ProtocolName": "MID1_Axial_ME_Rest_EPI_3mm_iso.axial",
    "ReconMatrixPE": 64,
    "RepetitionTime": 2.5,
    "SAR": 0.103916,
    "ScanOptions": "EPI_GEMS_ACC_GEMS",
    "ScanningSequence": "EP_RM",
    "SequenceVariant": "NONE",
    "SeriesDescription": "MID1_Axial_ME_Rest_EPI_3mm_iso.axial",
    "SeriesNumber": 6,
    "SliceThickness": 3,
    "SliceTiming": [
      0.0,
      1.25,
      0.078125,
      1.328125,
      0.15625,
      1.40625,
      0.234375,
      1.484375,
      0.3125,
      1.5625,
      0.390625,
      1.640625,
      0.46875,
      1.71875,
      0.546875,
      1.796875,
      0.625,
      1.875,
      0.703125,
      1.953125,
      0.78125,
      2.03125,
      0.859375,
      2.109375,
      0.9375,
      2.1875,
      1.015625,
      2.265625,
      1.09375,
      2.34375,
      1.171875,
      2.421875
    ],
    "SoftwareVersions": "27_LX_MR_Software_release:DV26.0_R01_1725.a",
    "SpacingBetweenSlices": 4,
    "StationName": "fmrif3ta",
    "TaskName": "rest",
    "TotalReadoutTime": 0.024948,
    "dataset": "ds002156",
    "modality": "bold",
    "run_id": 1,
    "session_id": "02",
    "subject_id": "23638",
    "task_id": "rest"
  },
  "dummy_trs": 1,
  "dvars_nstd": 30.428342337731962,
  "dvars_std": 1.110355273041238,
  "dvars_vstd": 0.9692479537113406,
  "efc": 0.42979704322588236,
  "fber": 11667.453125,
  "fd_mean": 0.06531749939727055,
  "fd_num": 2,
  "fd_perc": 1.0256410256410255,
  "fwhm_avg": 1.7346212600131106,
  "fwhm_x": 1.7140026666666666,
  "fwhm_y": 1.8474773333333334,
  "fwhm_z": 1.6423837800393317,
  "gcor": 0.0416072,
  "gsr_x": -0.009668017737567425,
  "gsr_y": 0.030732963234186172,
  "provenance": {
    "md5sum": "61b81f45e8e592ff17a0a15a95b4caf8",
    "settings": {
      "fd_thres": 0.2,
      "testing": false
    },
    "software": "mriqc",
    "version": "22.0.1",
    "webapi_port": null,
    "webapi_url": "https://mriqc.nimh.nih.gov/api/v1"
  },
  "size_t": 195,
  "size_x": 64,
  "size_y": 64,
  "size_z": 32,
  "snr": 3.5522637003808035,
  "spacing_tr": 2.5,
  "spacing_x": 3.75,
  "spacing_y": 3.75,
  "spacing_z": 4.000009059906006,
  "summary_bg_k": 185.30005029107434,
  "summary_bg_mad": 16.331433755472148,
  "summary_bg_mean": 43.301513671875,
  "summary_bg_median": 12.276923179626465,
  "summary_bg_n": 85141.0,
  "summary_bg_p05": 0.38461539149284363,
  "summary_bg_p95": 179.55384826660156,
  "summary_bg_stdv": 117.39574432373047,
  "summary_fg_k": 1.1375366171874148,
  "summary_fg_mad": 320.9263710658831,
  "summary_fg_mean": 1321.8114013671875,
  "summary_fg_median": 1270.2462158203125,
  "summary_fg_n": 17672.0,
  "summary_fg_p05": 835.9228454589844,
  "summary_fg_p95": 1990.2875427246097,
  "summary_fg_stdv": 357.57769775390625,
  "tsnr": 39.6198274155613
}