{
  "aor": 0.0006575257731958763,
  "aqi": 0.008044667319587629,
  "bids_meta": {
    "AcquisitionDateTime": "2018-07-16T17:27:27",
    "AcquisitionMatrixPE": 64,
    "AcquisitionNumber": 1,
    "BodyPartExamined": "HEAD",
    "ConversionSoftware": "dcm2niix",
    "ConversionSoftwareVersion": "v1.0.20180622 GCC4.8.5",
    "DeviceSerialNumber": "000301496mr3T5mr",
    "EchoTime": 0.055799999999999995,
    "EffectiveEchoSpacing": 0.000396,
    "FlipAngle": 80,
    "ImageOrientationPatientDICOM": [
      1,
      0,
      0,
      0,
      0.99999,
      -0.00484
    ],
    "ImageType": [
      "ORIGINAL",
      "PRIMARY",
      "EPI",
      "NONE"
    ],
    "InPlanePhaseEncodingDirectionDICOM": "COL",
    "InstitutionName": "NIH_FMRIF",
    "MRAcquisitionType": "2D",
    "MagneticFieldStrength": 3,
    "Manufacturer": "GE",
    "ManufacturersModelName": "DISCOVERY_MR750",
    "Modality": "MR",
    "PatientPosition": "HFS",
    "PercentPhaseFOV": 100,
    "PhaseEncodingAxis": "j",
    "PhaseEncodingDirection": "j",
    "PixelBandwidth": 7812.5,
    "ProcedureStepDescription": "MRI_Procedure_Limited",
    "ProtocolName": "MID1_Axial_ME_Rest_EPI_3mm_iso.axial",
    "ReconMatrixPE": 64,
    "RepetitionTime": 2.5,
    "SAR": 0.107669,
    "ScanOptions": "EPI_GEMS_ACC_GEMS",
    "ScanningSequence": "EP_RM",
    "SequenceVariant": "NONE",
    "SeriesDescription": "MID1_Axial_ME_Rest_EPI_3mm_iso.axial",
    "SeriesNumber": 6,
    "SliceThickness": 3,
    "SliceTiming": [
      0.0,
      1.25,
      0.078125,
      1.328125,
      0.15625,
      1.40625,
      0.234375,
      1.484375,
      0.3125,
      1.5625,
      0.390625,
      1.640625,
      0.46875,
      1.71875,
      0.546875,
      1.796875,
      0.625,
      1.875,
      0.703125,
      1.953125,
      0.78125,
      2.03125,
      0.859375,
      2.109375,
      0.9375,
      2.1875,
      1.015625,
      2.265625,
      1.09375,
      2.34375,
      1.171875,
      2.421875
    ],
    "SoftwareVersions": "27_LX_MR_Software_release:DV26.0_R01_1725.a",
    "SpacingBetweenSlices": 4,
    "StationName": "fmrif3ta",
    "TaskName": "rest",
    "TotalReadoutTime": 0.024948,
    "dataset": "ds002156",
    "modality": "bold",
    "run_id": 1,
    "session_id": "03",
    "subject_id": "23638",
    "task_id": "rest"
  },
  "dummy_trs": 2,
  "dvars_nstd": 27.700252502953383,
  "dvars_std": 1.0871877902072542,
  "dvars_vstd": 0.9600332675129537,
  "efc": 0.423220569388712,
  "fber": 13100.13671875,
  "fd_mean": 0.05489153312700698,
  "fd_num": 0,
  "fd_perc": 0.0,
  "fwhm_avg": 1.702692215674418,
  "fwhm_x": 1.688792,
  "fwhm_y": 1.8227467825537862,
  "fwhm_z": 1.5965378644694683,
  "gcor": 0.0177886,
  "gsr_x": -0.005412036553025246,
  "gsr_y": 0.020638084039092064,
  "provenance": {
    "md5sum": "981818debb952cca0b6fed6293f27a0b",
    "settings": {
      "fd_thres": 0.2,
      "testing": false
    },
    "software": "mriqc",
    "version": "22.0.1",
    "webapi_port": null,
    "webapi_url": "https://mriqc.nimh.nih.gov/api/v1"
  },
  "size_t": 194,
  "size_x": 64,
  "size_y": 64,
  "size_z": 32,
  "snr": 3.5852174491537725,
  "spacing_tr": 2.5,
  "spacing_x": 3.75,
  "spacing_y": 3.749999761581421,
  "spacing_z": 3.9999489784240723,
  "summary_bg_k": 75.44712333245933,
  "summary_bg_mad": 15.005614725118958,
  "summary_bg_mean": 38.65682601928711,
  "summary_bg_median": 11.286081314086914,
  "summary_bg_n": 85862.0,
  "summary_bg_p05": 0.27319586277008057,
  "summary_bg_p95": 165.10695724487297,
  "summary_bg_stdv": 91.77214813232422,
  "summary_fg_k": 1.188415464781305,
  "summary_fg_mad": 304.9918358695543,
  "summary_fg_mean": 1288.0546875,
  "summary_fg_median": 1238.3427734375,
  "summary_fg_n": 17232.0,
  "summary_fg_p05": 819.4863159179688,
  "summary_fg_p95": 1925.4079650878903,
  "summary_fg_stdv": 345.39239501953125,
  "tsnr": 41.06983105186373
}