{
  "aor": 0.0012485051546391752,
  "aqi": 0.003525296082474227,
  "bids_meta": {
    "AcquisitionDateTime": "2018-07-16T17:27:27",
    "AcquisitionMatrixPE": 64,
    "AcquisitionNumber": 1,
    "BodyPartExamined": "HEAD",
    "ConversionSoftware": "dcm2niix",
    "ConversionSoftwareVersion": "v1.0.20180622 GCC4.8.5",
    "DeviceSerialNumber": "000301496mr3T5mr",
    "EchoTime": 0.015,
    "EffectiveEchoSpacing": 0.000396,
    "FlipAngle": 80,
    "ImageOrientationPatientDICOM": [
      1,
      0,
      0,
      0,
      0.99999,
      -0.00484
    ],
    "ImageType": [
      "ORIGINAL",
      "PRIMARY",
      "EPI",
      "NONE"
    ],
    "InPlanePhaseEncodingDirectionDICOM": "COL",
    "InstitutionName": "NIH_FMRIF",
    "MRAcquisitionType": "2D",
    "MagneticFieldStrength": 3,
    "Manufacturer": "GE",
    "ManufacturersModelName": "DISCOVERY_MR750",
    "Modality": "MR",
    "PatientPosition": "HFS",
    "PercentPhaseFOV": 100,
    "PhaseEncodingAxis": "j",
    "PhaseEncodingDirection": "j",
    "PixelBandwidth": 7812.5,
    "ProcedureStepDescription": "MRI_Procedure_Limited",
    "ProtocolName": "MID1_Axial_ME_Rest_EPI_3mm_iso.axial",
    "ReconMatrixPE": 64,
    "RepetitionTime": 2.5,
    "SAR": 0.107669,
    "ScanOptions": "EPI_GEMS_ACC_GEMS",
    "ScanningSequence": "EP_RM",
    "SequenceVariant": "NONE",
    "SeriesDescription": "MID1_Axial_ME_Rest_EPI_3mm_iso.axial",
    "SeriesNumber": 6,
    "SliceThickness": 3,
    "SliceTiming": [
      0.0,
      1.25,
      0.078125,
      1.328125,
      0.15625,
      1.40625,
      0.234375,
      1.484375,
      0.3125,
      1.5625,
      0.390625,
      1.640625,
      0.46875,
      1.71875,
      0.546875,
      1.796875,
      0.625,
      1.875,
      0.703125,
      1.953125,
      0.78125,
      2.03125,
      0.859375,
      2.109375,
      0.9375,
      2.1875,
      1.015625,
      2.265625,
      1.09375,
      2.34375,
      1.171875,
      2.421875
    ],
    "SoftwareVersions": "27_LX_MR_Software_release:DV26.0_R01_1725.a",
    "SpacingBetweenSlices": 4,
    "StationName": "fmrif3ta",
    "TaskName": "rest",
    "TotalReadoutTime": 0.024948,
    "dataset": "ds002156",
    "modality": "bold",
    "run_id": 1,
    "session_id": "03",
    "subject_id": "23638",
    "task_id": "rest"
  },
  "dummy_trs": 2,
  "dvars_nstd": 22.30913420165803,
  "dvars_std": 1.5525380962176158,
  "dvars_vstd": 0.9554008480310883,
  "efc": 0.503200727099173,
  "fber": 21432.9765625,
  "fd_mean": 0.05674112397584779,
  "fd_num": 0,
  "fd_perc": 0.0,
  "fwhm_avg": 2.2418802396145714,
  "fwhm_x": 1.9740853333333335,
  "fwhm_y": 2.302464146386728,
  "fwhm_z": 2.4490912391236526,
  "gcor": 0.0120427,
  "gsr_x": -0.004018591251224279,
  "gsr_y": 0.05706630274653435,
  "provenance": {
    "md5sum": "7039d31db60e3d6a6399f9d04e8185d6",
    "settings": {
      "fd_thres": 0.2,
      "testing": false
    },
    "software": "mriqc",
    "version": "22.0.1",
    "webapi_port": null,
    "webapi_url": "https://mriqc.nimh.nih.gov/api/v1"
  },
  "size_t": 194,
  "size_x": 64,
  "size_y": 64,
  "size_z": 32,
  "snr": 4.099317367449523,
  "spacing_tr": 2.5,
  "spacing_x": 3.75,
  "spacing_y": 3.749999761581421,
  "spacing_z": 3.9999489784240723,
  "summary_bg_k": 15.034120150047592,
  "summary_bg_mad": 27.09952154715801,
  "summary_bg_mean": 196.4554443359375,
  "summary_bg_median": 19.01546287536621,
  "summary_bg_n": 79046.0,
  "summary_bg_p05": 0.25773194432258606,
  "summary_bg_p95": 1320.0308837890625,
  "summary_bg_stdv": 497.6507873535156,
  "summary_fg_k": 0.9789676077878475,
  "summary_fg_mad": 611.034451582937,
  "summary_fg_mean": 2794.947998046875,
  "summary_fg_median": 2689.59033203125,
  "summary_fg_n": 21926.0,
  "summary_fg_p05": 1957.1764526367188,
  "summary_fg_p95": 4024.858154296875,
  "summary_fg_stdv": 656.0919189453125,
  "tsnr": 80.31062128581107
}