{
  "aor": 0.0007495876288659794,
  "aqi": 0.005056681597938145,
  "bids_meta": {
    "AcquisitionDateTime": "2018-07-16T17:27:27",
    "AcquisitionMatrixPE": 64,
    "AcquisitionNumber": 1,
    "BodyPartExamined": "HEAD",
    "ConversionSoftware": "dcm2niix",
    "ConversionSoftwareVersion": "v1.0.20180622 GCC4.8.5",
    "DeviceSerialNumber": "000301496mr3T5mr",
    "EchoTime": 0.0286,
    "EffectiveEchoSpacing": 0.000396,
    "FlipAngle": 80,
    "ImageOrientationPatientDICOM": [
      1,
      0,
      0,
      0,
      0.99999,
      -0.00484
    ],
    "ImageType": [
      "ORIGINAL",
      "PRIMARY",
      "EPI",
      "NONE"
    ],
    "InPlanePhaseEncodingDirectionDICOM": "COL",
    "InstitutionName": "NIH_FMRIF",
    "MRAcquisitionType": "2D",
    "MagneticFieldStrength": 3,
    "Manufacturer": "GE",
    "ManufacturersModelName": "DISCOVERY_MR750",
    "Modality": "MR",
    "PatientPosition": "HFS",
    "PercentPhaseFOV": 100,
    "PhaseEncodingAxis": "j",
    "PhaseEncodingDirection": "j",
    "PixelBandwidth": 7812.5,
    "ProcedureStepDescription": "MRI_Procedure_Limited",
    "ProtocolName": "MID1_Axial_ME_Rest_EPI_3mm_iso.axial",
    "ReconMatrixPE": 64,
    "RepetitionTime": 2.5,
    "SAR": 0.107669,
    "ScanOptions": "EPI_GEMS_ACC_GEMS",
    "ScanningSequence": "EP_RM",
    "SequenceVariant": "NONE",
    "SeriesDescription": "MID1_Axial_ME_Rest_EPI_3mm_iso.axial",
    "SeriesNumber": 6,
    "SliceThickness": 3,
    "SliceTiming": [
      0.0,
      1.25,
      0.078125,
      1.328125,
      0.15625,
      1.40625,
      0.234375,
      1.484375,
      0.3125,
      1.5625,
      0.390625,
      1.640625,
      0.46875,
      1.71875,
      0.546875,
      1.796875,
      0.625,
      1.875,
      0.703125,
      1.953125,
      0.78125,
      2.03125,
      0.859375,
      2.109375,
      0.9375,
      2.1875,
      1.015625,
      2.265625,
      1.09375,
      2.34375,
      1.171875,
      2.421875
    ],
    "SoftwareVersions": "27_LX_MR_Software_release:DV26.0_R01_1725.a",
    "SpacingBetweenSlices": 4,
    "StationName": "fmrif3ta",
    "TaskName": "rest",
    "TotalReadoutTime": 0.024948,
    "dataset": "ds002156",
    "modality": "bold",
    "run_id": 1,
    "session_id": "03",
    "subject_id": "23638",
    "task_id": "rest"
  },
  "dummy_trs": 2,
  "dvars_nstd": 18.927385893471506,
  "dvars_std": 1.1353144815544038,
  "dvars_vstd": 0.9558923076683937,
  "efc": 0.4624353624043058,
  "fber": 22213.380859375,
  "fd_mean": 0.059684808407748424,
  "fd_num": 0,
  "fd_perc": 0.0,
  "fwhm_avg": 2.1016675137740584,
  "fwhm_x": 1.9977733333333334,
  "fwhm_y": 2.198194806424129,
  "fwhm_z": 2.1090344015647133,
  "gcor": 0.0180756,
  "gsr_x": 0.003301311517134309,
  "gsr_y": 0.03256315737962723,
  "provenance": {
    "md5sum": "8469a35b30b3665c0785205922956cd9",
    "settings": {
      "fd_thres": 0.2,
      "testing": false
    },
    "software": "mriqc",
    "version": "22.0.1",
    "webapi_port": null,
    "webapi_url": "https://mriqc.nimh.nih.gov/api/v1"
  },
  "size_t": 194,
  "size_x": 64,
  "size_y": 64,
  "size_z": 32,
  "snr": 4.136829378938523,
  "spacing_tr": 2.5,
  "spacing_x": 3.75,
  "spacing_y": 3.749999761581421,
  "spacing_z": 3.9999489784240723,
  "summary_bg_k": 36.73751458036451,
  "summary_bg_mad": 20.741146322473774,
  "summary_bg_mean": 96.6364517211914,
  "summary_bg_median": 14.855669975280762,
  "summary_bg_n": 82321.0,
  "summary_bg_p05": 0.2886597812175751,
  "summary_bg_p95": 531.505126953125,
  "summary_bg_stdv": 255.0886688232422,
  "summary_fg_k": 0.810365547319476,
  "summary_fg_mad": 475.5712658979424,
  "summary_fg_mean": 2168.5419921875,
  "summary_fg_median": 2094.56689453125,
  "summary_fg_n": 19955.0,
  "summary_fg_p05": 1488.9782592773438,
  "summary_fg_p95": 3110.1952636718747,
  "summary_fg_stdv": 506.3091125488281,
  "tsnr": 63.032823032466695
}