{
  "aor": 0.0014703092783505158,
  "aqi": 0.0035373911340206184,
  "bids_meta": {
    "AcquisitionDateTime": "2018-03-12T19:08:48",
    "AcquisitionMatrixPE": 64,
    "AcquisitionNumber": 1,
    "BodyPartExamined": "HEAD",
    "ConversionSoftware": "dcm2niix",
    "ConversionSoftwareVersion": "v1.0.20180622 GCC4.8.5",
    "DeviceSerialNumber": "000301496mr3T5mr",
    "EchoTime": 0.015,
    "EffectiveEchoSpacing": 0.000396,
    "FlipAngle": 80,
    "ImageOrientationPatientDICOM": [
      1,
      0,
      0,
      0,
      0.998,
      -0.06317
    ],
    "ImageType": [
      "ORIGINAL",
      "PRIMARY",
      "EPI",
      "NONE"
    ],
    "InPlanePhaseEncodingDirectionDICOM": "COL",
    "InstitutionName": "NIH_FMRIF",
    "MRAcquisitionType": "2D",
    "MagneticFieldStrength": 3,
    "Manufacturer": "GE",
    "ManufacturersModelName": "DISCOVERY_MR750",
    "Modality": "MR",
    "PatientPosition": "HFS",
    "PercentPhaseFOV": 100,
    "PhaseEncodingAxis": "j",
    "PhaseEncodingDirection": "j",
    "PixelBandwidth": 7812.5,
    "ProcedureStepDescription": "MRI_Procedure_Limited",
    "ProtocolName": "MID1_Axial_ME_Rest_EPI_3mm_iso.axial",
    "ReconMatrixPE": 64,
    "RepetitionTime": 2.5,
    "SAR": 0.103916,
    "ScanOptions": "EPI_GEMS_ACC_GEMS",
    "ScanningSequence": "EP_RM",
    "SequenceVariant": "NONE",
    "SeriesDescription": "MID1_Axial_ME_Rest_EPI_3mm_iso.axial",
    "SeriesNumber": 6,
    "SliceThickness": 3,
    "SliceTiming": [
      0.0,
      1.25,
      0.078125,
      1.328125,
      0.15625,
      1.40625,
      0.234375,
      1.484375,
      0.3125,
      1.5625,
      0.390625,
      1.640625,
      0.46875,
      1.71875,
      0.546875,
      1.796875,
      0.625,
      1.875,
      0.703125,
      1.953125,
      0.78125,
      2.03125,
      0.859375,
      2.109375,
      0.9375,
      2.1875,
      1.015625,
      2.265625,
      1.09375,
      2.34375,
      1.171875,
      2.421875
    ],
    "SoftwareVersions": "27_LX_MR_Software_release:DV26.0_R01_1725.a",
    "SpacingBetweenSlices": 4,
    "StationName": "fmrif3ta",
    "TaskName": "rest",
    "TotalReadoutTime": 0.024948,
    "dataset": "ds002156",
    "modality": "bold",
    "run_id": 1,
    "session_id": "02",
    "subject_id": "23638",
    "task_id": "rest"
  },
  "dummy_trs": 2,
  "dvars_nstd": 23.064434856839387,
  "dvars_std": 1.4998299149222802,
  "dvars_vstd": 0.9729508875129537,
  "efc": 0.5117829663684793,
  "fber": 16476.3984375,
  "fd_mean": 0.06440723379556663,
  "fd_num": 4,
  "fd_perc": 2.0618556701030926,
  "fwhm_avg": 2.4134970172251866,
  "fwhm_x": 2.1428000000000003,
  "fwhm_y": 2.471472,
  "fwhm_z": 2.62621905167556,
  "gcor": 0.0279119,
  "gsr_x": -0.012648001313209534,
  "gsr_y": 0.06883275508880615,
  "provenance": {
    "md5sum": "a7a1a67725180e0c5c1cfc478ead0299",
    "settings": {
      "fd_thres": 0.2,
      "testing": false
    },
    "software": "mriqc",
    "version": "22.0.1",
    "webapi_port": null,
    "webapi_url": "https://mriqc.nimh.nih.gov/api/v1"
  },
  "size_t": 194,
  "size_x": 64,
  "size_y": 64,
  "size_z": 32,
  "snr": 3.9633999668953446,
  "spacing_tr": 2.5,
  "spacing_x": 3.75,
  "spacing_y": 3.75,
  "spacing_z": 4.000009059906006,
  "summary_bg_k": 18.045093166753688,
  "summary_bg_mad": 30.614969609078425,
  "summary_bg_mean": 220.73971557617188,
  "summary_bg_median": 21.56700897216797,
  "summary_bg_n": 77849.0,
  "summary_bg_p05": 0.41237112879753113,
  "summary_bg_p95": 1386.2216308593747,
  "summary_bg_stdv": 575.1602783203125,
  "summary_fg_k": 1.1747941065235494,
  "summary_fg_mad": 624.0647731805892,
  "summary_fg_mean": 2855.6650390625,
  "summary_fg_median": 2746.2626953125,
  "summary_fg_n": 22428.0,
  "summary_fg_p05": 1972.8141113281251,
  "summary_fg_p95": 4183.699047851563,
  "summary_fg_stdv": 692.8903198242188,
  "tsnr": 79.78908445313573
}