{
  "aor": 0.0008072307692307694,
  "aqi": 0.007079199897435898,
  "bids_meta": {
    "AcquisitionDateTime": "2018-03-12T19:08:48",
    "AcquisitionMatrixPE": 64,
    "AcquisitionNumber": 1,
    "BodyPartExamined": "HEAD",
    "ConversionSoftware": "dcm2niix",
    "ConversionSoftwareVersion": "v1.0.20180622 GCC4.8.5",
    "DeviceSerialNumber": "000301496mr3T5mr",
    "EchoTime": 0.0422,
    "EffectiveEchoSpacing": 0.000396,
    "FlipAngle": 80,
    "ImageOrientationPatientDICOM": [
      1,
      0,
      0,
      0,
      0.998,
      -0.06317
    ],
    "ImageType": [
      "ORIGINAL",
      "PRIMARY",
      "EPI",
      "NONE"
    ],
    "InPlanePhaseEncodingDirectionDICOM": "COL",
    "InstitutionName": "NIH_FMRIF",
    "MRAcquisitionType": "2D",
    "MagneticFieldStrength": 3,
    "Manufacturer": "GE",
    "ManufacturersModelName": "DISCOVERY_MR750",
    "Modality": "MR",
    "PatientPosition": "HFS",
    "PercentPhaseFOV": 100,
    "PhaseEncodingAxis": "j",
    "PhaseEncodingDirection": "j",
    "PixelBandwidth": 7812.5,
    "ProcedureStepDescription": "MRI_Procedure_Limited",
    "ProtocolName": "MID1_Axial_ME_Rest_EPI_3mm_iso.axial",
    "ReconMatrixPE": 64,
    "RepetitionTime": 2.5,
    "SAR": 0.103916,
    "ScanOptions": "EPI_GEMS_ACC_GEMS",
    "ScanningSequence": "EP_RM",
    "SequenceVariant": "NONE",
    "SeriesDescription": "MID1_Axial_ME_Rest_EPI_3mm_iso.axial",
    "SeriesNumber": 6,
    "SliceThickness": 3,
    "SliceTiming": [
      0.0,
      1.25,
      0.078125,
      1.328125,
      0.15625,
      1.40625,
      0.234375,
      1.484375,
      0.3125,
      1.5625,
      0.390625,
      1.640625,
      0.46875,
      1.71875,
      0.546875,
      1.796875,
      0.625,
      1.875,
      0.703125,
      1.953125,
      0.78125,
      2.03125,
      0.859375,
      2.109375,
      0.9375,
      2.1875,
      1.015625,
      2.265625,
      1.09375,
      2.34375,
      1.171875,
      2.421875
    ],
    "SoftwareVersions": "27_LX_MR_Software_release:DV26.0_R01_1725.a",
    "SpacingBetweenSlices": 4,
    "StationName": "fmrif3ta",
    "TaskName": "rest",
    "TotalReadoutTime": 0.024948,
    "dataset": "ds002156",
    "modality": "bold",
    "run_id": 1,
    "session_id": "02",
    "subject_id": "23638",
    "task_id": "rest"
  },
  "dummy_trs": 1,
  "dvars_nstd": 24.94728810036081,
  "dvars_std": 1.123927906340206,
  "dvars_vstd": 0.9664159898969078,
  "efc": 0.4460532803193344,
  "fber": 15904.2548828125,
  "fd_mean": 0.07024989820149241,
  "fd_num": 2,
  "fd_perc": 1.0256410256410255,
  "fwhm_avg": 1.9383826751834359,
  "fwhm_x": 1.8905866666666666,
  "fwhm_y": 2.0226506666666664,
  "fwhm_z": 1.9019106922169742,
  "gcor": 0.0458806,
  "gsr_x": -0.008519850671291351,
  "gsr_y": 0.029287558048963547,
  "provenance": {
    "md5sum": "99405c7572823c47d131756ff3990de4",
    "settings": {
      "fd_thres": 0.2,
      "testing": false
    },
    "software": "mriqc",
    "version": "22.0.1",
    "webapi_port": null,
    "webapi_url": "https://mriqc.nimh.nih.gov/api/v1"
  },
  "size_t": 195,
  "size_x": 64,
  "size_y": 64,
  "size_z": 32,
  "snr": 3.9192077876847486,
  "spacing_tr": 2.5,
  "spacing_x": 3.75,
  "spacing_y": 3.75,
  "spacing_z": 4.000009059906006,
  "summary_bg_k": 93.55244174599797,
  "summary_bg_mad": 19.106561614901967,
  "summary_bg_mean": 67.12596130371094,
  "summary_bg_median": 13.958974838256836,
  "summary_bg_n": 83849.0,
  "summary_bg_p05": 0.3897435963153839,
  "summary_bg_p95": 319.5374450683586,
  "summary_bg_stdv": 184.40643310546875,
  "summary_fg_k": 0.8369424081074901,
  "summary_fg_mad": 395.53554059374915,
  "summary_fg_mean": 1719.0054931640625,
  "summary_fg_median": 1666.82568359375,
  "summary_fg_n": 18963.0,
  "summary_fg_p05": 1133.974365234375,
  "summary_fg_p95": 2501.3175537109346,
  "summary_fg_stdv": 425.2853698730469,
  "tsnr": 48.99648108123802
}