{
  "aor": 0.0009823589743589744,
  "aqi": 0.005194807487179487,
  "bids_meta": {
    "AcquisitionDateTime": "2018-03-12T19:08:48",
    "AcquisitionMatrixPE": 64,
    "AcquisitionNumber": 1,
    "BodyPartExamined": "HEAD",
    "ConversionSoftware": "dcm2niix",
    "ConversionSoftwareVersion": "v1.0.20180622 GCC4.8.5",
    "DeviceSerialNumber": "000301496mr3T5mr",
    "EchoTime": 0.0286,
    "EffectiveEchoSpacing": 0.000396,
    "FlipAngle": 80,
    "ImageOrientationPatientDICOM": [
      1,
      0,
      0,
      0,
      0.998,
      -0.06317
    ],
    "ImageType": [
      "ORIGINAL",
      "PRIMARY",
      "EPI",
      "NONE"
    ],
    "InPlanePhaseEncodingDirectionDICOM": "COL",
    "InstitutionName": "NIH_FMRIF",
    "MRAcquisitionType": "2D",
    "MagneticFieldStrength": 3,
    "Manufacturer": "GE",
    "ManufacturersModelName": "DISCOVERY_MR750",
    "Modality": "MR",
    "PatientPosition": "HFS",
    "PercentPhaseFOV": 100,
    "PhaseEncodingAxis": "j",
    "PhaseEncodingDirection": "j",
    "PixelBandwidth": 7812.5,
    "ProcedureStepDescription": "MRI_Procedure_Limited",
    "ProtocolName": "MID1_Axial_ME_Rest_EPI_3mm_iso.axial",
    "ReconMatrixPE": 64,
    "RepetitionTime": 2.5,
    "SAR": 0.103916,
    "ScanOptions": "EPI_GEMS_ACC_GEMS",
    "ScanningSequence": "EP_RM",
    "SequenceVariant": "NONE",
    "SeriesDescription": "MID1_Axial_ME_Rest_EPI_3mm_iso.axial",
    "SeriesNumber": 6,
    "SliceThickness": 3,
    "SliceTiming": [
      0.0,
      1.25,
      0.078125,
      1.328125,
      0.15625,
      1.40625,
      0.234375,
      1.484375,
      0.3125,
      1.5625,
      0.390625,
      1.640625,
      0.46875,
      1.71875,
      0.546875,
      1.796875,
      0.625,
      1.875,
      0.703125,
      1.953125,
      0.78125,
      2.03125,
      0.859375,
      2.109375,
      0.9375,
      2.1875,
      1.015625,
      2.265625,
      1.09375,
      2.34375,
      1.171875,
      2.421875
    ],
    "SoftwareVersions": "27_LX_MR_Software_release:DV26.0_R01_1725.a",
    "SpacingBetweenSlices": 4,
    "StationName": "fmrif3ta",
    "TaskName": "rest",
    "TotalReadoutTime": 0.024948,
    "dataset": "ds002156",
    "modality": "bold",
    "run_id": 1,
    "session_id": "02",
    "subject_id": "23638",
    "task_id": "rest"
  },
  "dummy_trs": 1,
  "dvars_nstd": 20.936961041443286,
  "dvars_std": 1.1528260418041243,
  "dvars_vstd": 0.9650342579896904,
  "efc": 0.4718294420782025,
  "fber": 17955.650390625,
  "fd_mean": 0.07324856825685001,
  "fd_num": 4,
  "fd_perc": 2.051282051282051,
  "fwhm_avg": 2.2177731121268516,
  "fwhm_x": 2.0940773333333333,
  "fwhm_y": 2.2794746666666668,
  "fwhm_z": 2.279767336380554,
  "gcor": 0.0457541,
  "gsr_x": -0.006901084911078215,
  "gsr_y": 0.04562191292643547,
  "provenance": {
    "md5sum": "7e447842b6385694e4af888103bf5a94",
    "settings": {
      "fd_thres": 0.2,
      "testing": false
    },
    "software": "mriqc",
    "version": "22.0.1",
    "webapi_port": null,
    "webapi_url": "https://mriqc.nimh.nih.gov/api/v1"
  },
  "size_t": 195,
  "size_x": 64,
  "size_y": 64,
  "size_z": 32,
  "snr": 4.044807292137722,
  "spacing_tr": 2.5,
  "spacing_x": 3.75,
  "spacing_y": 3.75,
  "spacing_z": 4.000009059906006,
  "summary_bg_k": 40.85113057264619,
  "summary_bg_mad": 23.349085340403736,
  "summary_bg_mean": 113.74496459960938,
  "summary_bg_median": 16.707693099975586,
  "summary_bg_n": 81655.0,
  "summary_bg_p05": 0.3948718011379242,
  "summary_bg_p95": 628.0866821289072,
  "summary_bg_stdv": 307.3197021484375,
  "summary_fg_k": 0.8154425938970205,
  "summary_fg_mad": 490.5207176133964,
  "summary_fg_mean": 2220.766845703125,
  "summary_fg_median": 2145.005126953125,
  "summary_fg_n": 20425.0,
  "summary_fg_p05": 1509.3508056640626,
  "summary_fg_p95": 3210.2462890624997,
  "summary_fg_stdv": 530.2978515625,
  "tsnr": 61.14089509611949
}