{
  "bids_meta": {
    "AcquisitionDateTime": "2017-11-13T16:26:34",
    "AcquisitionMatrixPE": 256,
    "AcquisitionNumber": 1,
    "BodyPartExamined": "BRAIN",
    "ConversionSoftware": "dcm2niix",
    "ConversionSoftwareVersion": "v1.0.20180622 GCC4.8.5",
    "DeviceSerialNumber": "000301496mr3T5mr",
    "EchoTime": 0.003468,
    "FlipAngle": 7,
    "ImageOrientationPatientDICOM": [
      0,
      1,
      0,
      0,
      0,
      -1
    ],
    "ImageType": [
      "ORIGINAL",
      "PRIMARY",
      "OTHER"
    ],
    "InPlanePhaseEncodingDirectionDICOM": "ROW",
    "InstitutionName": "NIH_FMRIF",
    "InversionTime": 0.9,
    "MRAcquisitionType": "3D",
    "MagneticFieldStrength": 3,
    "Manufacturer": "GE",
    "ManufacturersModelName": "DISCOVERY_MR750",
    "Modality": "MR",
    "PatientPosition": "HFS",
    "PercentPhaseFOV": 100,
    "PixelBandwidth": 195.312,
    "ProcedureStepDescription": "MRI_Brain",
    "ProtocolName": "PURE_MP-RAGE_1mm",
    "ReconMatrixPE": 256,
    "RepetitionTime": 0.007644,
    "SAR": 0.157744,
    "ScanOptions": "EDR_GEMS_FILTERED_GEMS_ACC_GEMS",
    "ScanningSequence": "RM",
    "SequenceVariant": "NONE",
    "SeriesDescription": "PURE_MP-RAGE_1mm",
    "SeriesNumber": 8,
    "SliceThickness": 1,
    "SoftwareVersions": "27_LX_MR_Software_release:DV25.1_R01_1617.b",
    "SpacingBetweenSlices": 1,
    "StationName": "fmrif3ta",
    "acq_id": "mpragePURE",
    "dataset": "ds002156",
    "modality": "T1w",
    "run_id": 1,
    "session_id": "01",
    "subject_id": "23638"
  },
  "cjv": 0.3834929245894687,
  "cnr": 3.489976391503942,
  "efc": 0.7388284198765863,
  "fber": 8875.140594408333,
  "fwhm_avg": 3.239126666666666,
  "fwhm_x": 3.24997,
  "fwhm_y": 3.46837,
  "fwhm_z": 2.99904,
  "icvs_csf": 0.27506558207041903,
  "icvs_gm": 0.38516962877181454,
  "icvs_wm": 0.3397647891577665,
  "inu_med": 0.8946684300899506,
  "inu_range": 0.19547048509120935,
  "provenance": {
    "md5sum": "c1d5dd67c2cf6be4ceb059683249cc0e",
    "settings": {
      "testing": false
    },
    "software": "mriqc",
    "version": "22.0.1",
    "warnings": {
      "large_rot_frame": true,
      "small_air_mask": false
    },
    "webapi_port": null,
    "webapi_url": "https://mriqc.nimh.nih.gov/api/v1"
  },
  "qi_1": 0.0,
  "qi_2": 0.0032390038619228255,
  "rpve_csf": 17.52558308316564,
  "rpve_gm": 11.852893779787651,
  "rpve_wm": 16.791713969067604,
  "size_x": 172,
  "size_y": 256,
  "size_z": 256,
  "snr_csf": 2.109704065902446,
  "snr_gm": 6.430596500098305,
  "snr_total": 7.547468964614102,
  "snr_wm": 14.102106327841556,
  "snrd_csf": 14.986826595209147,
  "snrd_gm": 46.72801093274888,
  "snrd_total": 47.09114233178621,
  "snrd_wm": 79.5585894674006,
  "spacing_x": 1.0,
  "spacing_y": 1.0,
  "spacing_z": 1.0,
  "summary_bg_k": 2.893754046274645,
  "summary_bg_mad": 8.2348673525194,
  "summary_bg_mean": 15.948526694231688,
  "summary_bg_median": 5.554333623498678,
  "summary_bg_n": 812743.0,
  "summary_bg_p05": 0.0,
  "summary_bg_p95": 72.01386019773781,
  "summary_bg_stdv": 24.715845575694345,
  "summary_csf_k": 2.197308665904642,
  "summary_csf_mad": 76.35597302608333,
  "summary_csf_mean": 207.43853027468091,
  "summary_csf_median": 188.37989928014576,
  "summary_csf_n": 45633.0,
  "summary_csf_p05": 98.2347143728286,
  "summary_csf_p95": 379.7514396406711,
  "summary_csf_stdv": 89.29111823696701,
  "summary_gm_k": -0.04721035983842414,
  "summary_gm_mad": 91.03197424839514,
  "summary_gm_mean": 588.699093583651,
  "summary_gm_median": 587.357032334432,
  "summary_gm_n": 21009.0,
  "summary_gm_p05": 440.0572045072913,
  "summary_gm_p95": 742.30094306916,
  "summary_gm_stdv": 91.33570322111377,
  "summary_wm_k": 0.6784538948331345,
  "summary_wm_mad": 67.22423893220044,
  "summary_wm_mean": 1001.6636784740355,
  "summary_wm_median": 1000.0275225397199,
  "summary_wm_n": 194083.0,
  "summary_wm_p05": 889.0508368741721,
  "summary_wm_p95": 1120.0781195703894,
  "summary_wm_stdv": 70.91316169370906,
  "tpm_overlap_csf": 0.15935619323177183,
  "tpm_overlap_gm": 0.4247133446879154,
  "tpm_overlap_wm": 0.48493805937411283,
  "wm2max": 0.6368348246335954
}