{
  "bids_meta": {
    "AcquisitionDateTime": "2017-11-13T16:19:20",
    "AcquisitionMatrixPE": 256,
    "AcquisitionNumber": 1,
    "BodyPartExamined": "HEAD",
    "ConversionSoftware": "dcm2niix",
    "ConversionSoftwareVersion": "v1.0.20180622 GCC4.8.5",
    "DeviceSerialNumber": "000301496mr3T5mr",
    "EchoTime": 0.1017,
    "EchoTrainLength": 16,
    "FlipAngle": 125,
    "ImageOrientationPatientDICOM": [
      1,
      0,
      0,
      0,
      0.989746,
      -0.142836
    ],
    "ImageType": [
      "ORIGINAL",
      "PRIMARY",
      "OTHER"
    ],
    "InPlanePhaseEncodingDirectionDICOM": "ROW",
    "InstitutionName": "NIH_FMRIF",
    "MRAcquisitionType": "2D",
    "MagneticFieldStrength": 3,
    "Manufacturer": "GE",
    "ManufacturersModelName": "DISCOVERY_MR750",
    "Modality": "MR",
    "PatientPosition": "HFS",
    "PercentPhaseFOV": 80,
    "PhaseEncodingAxis": "i",
    "PixelBandwidth": 488.281,
    "ProcedureStepDescription": "MRI_Brain",
    "ProtocolName": "MID1_T2_Axial_2.0_mm",
    "ReconMatrixPE": 256,
    "RepetitionTime": 5,
    "SAR": 3.126,
    "ScanOptions": "FAST_GEMS_FSA_GEMS",
    "ScanningSequence": "SE",
    "SequenceVariant": "SK",
    "SeriesDescription": "MID1_T2_Axial_2.0_mm",
    "SeriesNumber": 6,
    "SliceThickness": 2,
    "SoftwareVersions": "27_LX_MR_Software_release:DV25.1_R01_1617.b",
    "SpacingBetweenSlices": 2,
    "StationName": "fmrif3ta",
    "dataset": "ds002156",
    "modality": "T2w",
    "run_id": 1,
    "session_id": "01",
    "subject_id": "23638"
  },
  "cjv": 0.548472729343935,
  "cnr": 1.6582533219186668,
  "efc": 0.5139889520945884,
  "fber": 4081.0802777777776,
  "fwhm_avg": 2.8204218942017594,
  "fwhm_x": 3.02059,
  "fwhm_y": 3.2787201954269523,
  "fwhm_z": 2.1619554871783255,
  "icvs_csf": 0.24210596544646348,
  "icvs_gm": 0.11770132318226423,
  "icvs_wm": 0.6401927113712723,
  "inu_med": 0.9561567306518555,
  "inu_range": 0.4419511616230011,
  "provenance": {
    "md5sum": "e120f1219700daea74c425b131676b63",
    "settings": {
      "testing": false
    },
    "software": "mriqc",
    "version": "22.0.1",
    "warnings": {
      "large_rot_frame": true,
      "small_air_mask": false
    },
    "webapi_port": null,
    "webapi_url": "https://mriqc.nimh.nih.gov/api/v1"
  },
  "qi_1": 0.0,
  "qi_2": 0.0005451442664750465,
  "rpve_csf": 13.669185971193366,
  "rpve_gm": 42.776991190627555,
  "rpve_wm": 7.581071792988041,
  "size_x": 256,
  "size_y": 256,
  "size_z": 72,
  "snr_csf": 3.7451299092435386,
  "snr_gm": 2.220013814215326,
  "snr_total": 3.3374464022792956,
  "snr_wm": 4.047195483379022,
  "snrd_csf": 28.32919461031309,
  "snrd_gm": 45.19745459143847,
  "snrd_total": 28.2135788244464,
  "snrd_wm": 11.11408727158764,
  "spacing_x": 1.0,
  "spacing_y": 0.9999999403953552,
  "spacing_z": 1.9999116659164429,
  "summary_bg_k": 453.9872761596168,
  "summary_bg_mad": 0.0,
  "summary_bg_mean": 23.113393427833977,
  "summary_bg_median": 0.0,
  "summary_bg_n": 994759.0,
  "summary_bg_p05": 0.0,
  "summary_bg_p95": 72.40099031478167,
  "summary_bg_stdv": 64.98704295326596,
  "summary_csf_k": 1.246075341560375,
  "summary_csf_mad": 659.8313853508746,
  "summary_csf_mean": 2865.2288672840223,
  "summary_csf_median": 2810.1485232263803,
  "summary_csf_n": 98254.0,
  "summary_csf_p05": 1825.1237678155303,
  "summary_csf_p95": 4166.256200535222,
  "summary_csf_stdv": 750.3435904388986,
  "summary_gm_k": -0.5410195016889463,
  "summary_gm_mad": 1575.081371482733,
  "summary_gm_mean": 3941.3263227725492,
  "summary_gm_median": 4483.415854945779,
  "summary_gm_n": 81552.0,
  "summary_gm_p05": 101.55321812443438,
  "summary_gm_p95": 6428.58912806958,
  "summary_gm_stdv": 2019.531742583256,
  "summary_wm_k": -0.18474687277179624,
  "summary_wm_mad": 279.2723494171388,
  "summary_wm_mean": 1127.446954398929,
  "summary_wm_median": 1102.4752508103848,
  "summary_wm_n": 383313.0,
  "summary_wm_p05": 717.5742595642805,
  "summary_wm_p95": 1609.15842063725,
  "summary_wm_stdv": 272.4043889774033,
  "tpm_overlap_csf": 0.13375107750474546,
  "tpm_overlap_gm": 0.08231907465879208,
  "tpm_overlap_wm": 0.45372095997095707,
  "wm2max": 0.16395885313800782
}