{
  "aor": 0.0010750515463917526,
  "aqi": 0.005229390927835052,
  "bids_meta": {
    "AcquisitionDateTime": "2018-11-13T14:24:30",
    "AcquisitionMatrixPE": 64,
    "AcquisitionNumber": 1,
    "BodyPartExamined": "HEAD",
    "ConversionSoftware": "dcm2niix",
    "ConversionSoftwareVersion": "v1.0.20180622 GCC4.8.5",
    "DeviceSerialNumber": "000301496mr3T5mr",
    "EchoTime": 0.0422,
    "EffectiveEchoSpacing": 0.000396,
    "FlipAngle": 80,
    "ImageOrientationPatientDICOM": [
      0.9992,
      0,
      -0.03987,
      -0.00225,
      0.99841,
      -0.0564
    ],
    "ImageType": [
      "ORIGINAL",
      "PRIMARY",
      "EPI",
      "NONE"
    ],
    "InPlanePhaseEncodingDirectionDICOM": "COL",
    "InstitutionName": "NIH_FMRIF",
    "MRAcquisitionType": "2D",
    "MagneticFieldStrength": 3,
    "Manufacturer": "GE",
    "ManufacturersModelName": "DISCOVERY_MR750",
    "Modality": "MR",
    "PatientPosition": "HFS",
    "PercentPhaseFOV": 100,
    "PhaseEncodingAxis": "j",
    "PhaseEncodingDirection": "j",
    "PixelBandwidth": 7812.5,
    "ProcedureStepDescription": "MRI_Procedure_Limited",
    "ProtocolName": "MID1_Axial_ME_Rest_EPI_3mm_iso.axial",
    "ReconMatrixPE": 64,
    "RepetitionTime": 2.5,
    "SAR": 0.105811,
    "ScanOptions": "EPI_GEMS_ACC_GEMS",
    "ScanningSequence": "EP_RM",
    "SequenceVariant": "NONE",
    "SeriesDescription": "MID1_Axial_ME_Rest_EPI_3mm_iso.axial",
    "SeriesNumber": 6,
    "SliceThickness": 3,
    "SliceTiming": [
      0.0,
      1.25,
      0.078125,
      1.328125,
      0.15625,
      1.40625,
      0.234375,
      1.484375,
      0.3125,
      1.5625,
      0.390625,
      1.640625,
      0.46875,
      1.71875,
      0.546875,
      1.796875,
      0.625,
      1.875,
      0.703125,
      1.953125,
      0.78125,
      2.03125,
      0.859375,
      2.109375,
      0.9375,
      2.1875,
      1.015625,
      2.265625,
      1.09375,
      2.34375,
      1.171875,
      2.421875
    ],
    "SoftwareVersions": "27_LX_MR_Software_release:DV26.0_R01_1725.a",
    "SpacingBetweenSlices": 4,
    "StationName": "fmrif3ta",
    "TaskName": "rest",
    "TotalReadoutTime": 0.024948,
    "dataset": "ds002156",
    "modality": "bold",
    "run_id": 1,
    "session_id": "04",
    "subject_id": "23638",
    "task_id": "rest"
  },
  "dummy_trs": 2,
  "dvars_nstd": 19.936942357823835,
  "dvars_std": 1.0765683901554395,
  "dvars_vstd": 0.9525807973057003,
  "efc": 0.4403385213342801,
  "fber": 12881.2685546875,
  "fd_mean": 0.05251276598177457,
  "fd_num": 3,
  "fd_perc": 1.5463917525773196,
  "fwhm_avg": 1.9769760773401825,
  "fwhm_x": 1.9474666666666667,
  "fwhm_y": 2.0839333333333334,
  "fwhm_z": 1.8995282320205475,
  "gcor": 0.00799977,
  "gsr_x": -0.007401305716484785,
  "gsr_y": 0.020855531096458435,
  "provenance": {
    "md5sum": "c8c18bf1ee3cd7dddb933b2d062d7d16",
    "settings": {
      "fd_thres": 0.2,
      "testing": false
    },
    "software": "mriqc",
    "version": "22.0.1",
    "webapi_port": null,
    "webapi_url": "https://mriqc.nimh.nih.gov/api/v1"
  },
  "size_t": 194,
  "size_x": 64,
  "size_y": 64,
  "size_z": 32,
  "snr": 3.7804148502007466,
  "spacing_tr": 2.5,
  "spacing_x": 3.75,
  "spacing_y": 3.75,
  "spacing_z": 3.9998984336853027,
  "summary_bg_k": 70.81374490063678,
  "summary_bg_mad": 20.955130425689465,
  "summary_bg_mean": 59.86790084838867,
  "summary_bg_median": 15.170103073120117,
  "summary_bg_n": 84285.0,
  "summary_bg_p05": 0.2886597812175751,
  "summary_bg_p95": 267.035046386719,
  "summary_bg_stdv": 151.41510009765625,
  "summary_fg_k": 2.6478393622268666,
  "summary_fg_mad": 381.25047275819423,
  "summary_fg_mean": 1699.1514892578125,
  "summary_fg_median": 1643.8865966796875,
  "summary_fg_n": 18245.0,
  "summary_fg_p05": 1115.0607666015626,
  "summary_fg_p95": 2452.43291015625,
  "summary_fg_stdv": 434.83099365234375,
  "tsnr": 50.60150055075064
}