{
  "aor": 0.001947680412371134,
  "aqi": 0.0030232660824742272,
  "bids_meta": {
    "AcquisitionDateTime": "2018-11-13T14:24:30",
    "AcquisitionMatrixPE": 64,
    "AcquisitionNumber": 1,
    "BodyPartExamined": "HEAD",
    "ConversionSoftware": "dcm2niix",
    "ConversionSoftwareVersion": "v1.0.20180622 GCC4.8.5",
    "DeviceSerialNumber": "000301496mr3T5mr",
    "EchoTime": 0.015,
    "EffectiveEchoSpacing": 0.000396,
    "FlipAngle": 80,
    "ImageOrientationPatientDICOM": [
      0.9992,
      0,
      -0.03987,
      -0.00225,
      0.99841,
      -0.0564
    ],
    "ImageType": [
      "ORIGINAL",
      "PRIMARY",
      "EPI",
      "NONE"
    ],
    "InPlanePhaseEncodingDirectionDICOM": "COL",
    "InstitutionName": "NIH_FMRIF",
    "MRAcquisitionType": "2D",
    "MagneticFieldStrength": 3,
    "Manufacturer": "GE",
    "ManufacturersModelName": "DISCOVERY_MR750",
    "Modality": "MR",
    "PatientPosition": "HFS",
    "PercentPhaseFOV": 100,
    "PhaseEncodingAxis": "j",
    "PhaseEncodingDirection": "j",
    "PixelBandwidth": 7812.5,
    "ProcedureStepDescription": "MRI_Procedure_Limited",
    "ProtocolName": "MID1_Axial_ME_Rest_EPI_3mm_iso.axial",
    "ReconMatrixPE": 64,
    "RepetitionTime": 2.5,
    "SAR": 0.105811,
    "ScanOptions": "EPI_GEMS_ACC_GEMS",
    "ScanningSequence": "EP_RM",
    "SequenceVariant": "NONE",
    "SeriesDescription": "MID1_Axial_ME_Rest_EPI_3mm_iso.axial",
    "SeriesNumber": 6,
    "SliceThickness": 3,
    "SliceTiming": [
      0.0,
      1.25,
      0.078125,
      1.328125,
      0.15625,
      1.40625,
      0.234375,
      1.484375,
      0.3125,
      1.5625,
      0.390625,
      1.640625,
      0.46875,
      1.71875,
      0.546875,
      1.796875,
      0.625,
      1.875,
      0.703125,
      1.953125,
      0.78125,
      2.03125,
      0.859375,
      2.109375,
      0.9375,
      2.1875,
      1.015625,
      2.265625,
      1.09375,
      2.34375,
      1.171875,
      2.421875
    ],
    "SoftwareVersions": "27_LX_MR_Software_release:DV26.0_R01_1725.a",
    "SpacingBetweenSlices": 4,
    "StationName": "fmrif3ta",
    "TaskName": "rest",
    "TotalReadoutTime": 0.024948,
    "dataset": "ds002156",
    "modality": "bold",
    "run_id": 1,
    "session_id": "04",
    "subject_id": "23638",
    "task_id": "rest"
  },
  "dummy_trs": 2,
  "dvars_nstd": 18.72391362782383,
  "dvars_std": 1.4803683859067365,
  "dvars_vstd": 0.9577650636269437,
  "efc": 0.5077046500994309,
  "fber": 12388.0576171875,
  "fd_mean": 0.05061453454016677,
  "fd_num": 3,
  "fd_perc": 1.5463917525773196,
  "fwhm_avg": 2.2585364798539462,
  "fwhm_x": 2.0090026666666665,
  "fwhm_y": 2.353488,
  "fwhm_z": 2.413118772895172,
  "gcor": 0.00744534,
  "gsr_x": -0.01069869939237833,
  "gsr_y": 0.05304628610610962,
  "provenance": {
    "md5sum": "c681212d9af70b69ace2b5fb65985fd6",
    "settings": {
      "fd_thres": 0.2,
      "testing": false
    },
    "software": "mriqc",
    "version": "22.0.1",
    "webapi_port": null,
    "webapi_url": "https://mriqc.nimh.nih.gov/api/v1"
  },
  "size_t": 194,
  "size_x": 64,
  "size_y": 64,
  "size_z": 32,
  "snr": 3.9740783215857705,
  "spacing_tr": 2.5,
  "spacing_x": 3.75,
  "spacing_y": 3.75,
  "spacing_z": 3.9998984336853027,
  "summary_bg_k": 13.83454242029391,
  "summary_bg_mad": 35.68180045308056,
  "summary_bg_mean": 200.87094116210938,
  "summary_bg_median": 24.95876121520996,
  "summary_bg_n": 78661.0,
  "summary_bg_p05": 0.29381442070007324,
  "summary_bg_p95": 1331.773193359375,
  "summary_bg_stdv": 489.5479431152344,
  "summary_fg_k": 2.1303204145910275,
  "summary_fg_mad": 616.0212217890776,
  "summary_fg_mean": 2841.595458984375,
  "summary_fg_median": 2734.582275390625,
  "summary_fg_n": 22049.0,
  "summary_fg_p05": 1961.2308837890625,
  "summary_fg_p95": 4065.579248046874,
  "summary_fg_stdv": 688.0891723632812,
  "tsnr": 78.88904258608818
}