{
  "aor": 0.001112319587628866,
  "aqi": 0.0039006876288659796,
  "bids_meta": {
    "AcquisitionDateTime": "2018-11-13T14:24:30",
    "AcquisitionMatrixPE": 64,
    "AcquisitionNumber": 1,
    "BodyPartExamined": "HEAD",
    "ConversionSoftware": "dcm2niix",
    "ConversionSoftwareVersion": "v1.0.20180622 GCC4.8.5",
    "DeviceSerialNumber": "000301496mr3T5mr",
    "EchoTime": 0.0286,
    "EffectiveEchoSpacing": 0.000396,
    "FlipAngle": 80,
    "ImageOrientationPatientDICOM": [
      0.9992,
      0,
      -0.03987,
      -0.00225,
      0.99841,
      -0.0564
    ],
    "ImageType": [
      "ORIGINAL",
      "PRIMARY",
      "EPI",
      "NONE"
    ],
    "InPlanePhaseEncodingDirectionDICOM": "COL",
    "InstitutionName": "NIH_FMRIF",
    "MRAcquisitionType": "2D",
    "MagneticFieldStrength": 3,
    "Manufacturer": "GE",
    "ManufacturersModelName": "DISCOVERY_MR750",
    "Modality": "MR",
    "PatientPosition": "HFS",
    "PercentPhaseFOV": 100,
    "PhaseEncodingAxis": "j",
    "PhaseEncodingDirection": "j",
    "PixelBandwidth": 7812.5,
    "ProcedureStepDescription": "MRI_Procedure_Limited",
    "ProtocolName": "MID1_Axial_ME_Rest_EPI_3mm_iso.axial",
    "ReconMatrixPE": 64,
    "RepetitionTime": 2.5,
    "SAR": 0.105811,
    "ScanOptions": "EPI_GEMS_ACC_GEMS",
    "ScanningSequence": "EP_RM",
    "SequenceVariant": "NONE",
    "SeriesDescription": "MID1_Axial_ME_Rest_EPI_3mm_iso.axial",
    "SeriesNumber": 6,
    "SliceThickness": 3,
    "SliceTiming": [
      0.0,
      1.25,
      0.078125,
      1.328125,
      0.15625,
      1.40625,
      0.234375,
      1.484375,
      0.3125,
      1.5625,
      0.390625,
      1.640625,
      0.46875,
      1.71875,
      0.546875,
      1.796875,
      0.625,
      1.875,
      0.703125,
      1.953125,
      0.78125,
      2.03125,
      0.859375,
      2.109375,
      0.9375,
      2.1875,
      1.015625,
      2.265625,
      1.09375,
      2.34375,
      1.171875,
      2.421875
    ],
    "SoftwareVersions": "27_LX_MR_Software_release:DV26.0_R01_1725.a",
    "SpacingBetweenSlices": 4,
    "StationName": "fmrif3ta",
    "TaskName": "rest",
    "TotalReadoutTime": 0.024948,
    "dataset": "ds002156",
    "modality": "bold",
    "run_id": 1,
    "session_id": "04",
    "subject_id": "23638",
    "task_id": "rest"
  },
  "dummy_trs": 2,
  "dvars_nstd": 16.666365954715033,
  "dvars_std": 1.1056660874611393,
  "dvars_vstd": 0.9505557703626942,
  "efc": 0.46513710958467425,
  "fber": 13631.599609375,
  "fd_mean": 0.05173518447084028,
  "fd_num": 3,
  "fd_perc": 1.5463917525773196,
  "fwhm_avg": 2.174887135531092,
  "fwhm_x": 2.080304,
  "fwhm_y": 2.2622720000000003,
  "fwhm_z": 2.1820854065932758,
  "gcor": 0.00865898,
  "gsr_x": -0.004469852428883314,
  "gsr_y": 0.027681373059749603,
  "provenance": {
    "md5sum": "3a7104560f34fa9286478b84323687f7",
    "settings": {
      "fd_thres": 0.2,
      "testing": false
    },
    "software": "mriqc",
    "version": "22.0.1",
    "webapi_port": null,
    "webapi_url": "https://mriqc.nimh.nih.gov/api/v1"
  },
  "size_t": 194,
  "size_x": 64,
  "size_y": 64,
  "size_z": 32,
  "snr": 3.9364197799109806,
  "spacing_tr": 2.5,
  "spacing_x": 3.75,
  "spacing_y": 3.75,
  "spacing_z": 3.9998984336853027,
  "summary_bg_k": 45.39789593168943,
  "summary_bg_mad": 26.64098404425728,
  "summary_bg_mean": 99.55188751220703,
  "summary_bg_median": 18.927833557128906,
  "summary_bg_n": 82098.0,
  "summary_bg_p05": 0.3041236996650696,
  "summary_bg_p95": 522.5200653076158,
  "summary_bg_stdv": 256.4951477050781,
  "summary_fg_k": 2.601624374516489,
  "summary_fg_mad": 475.9305146044528,
  "summary_fg_mean": 2198.12841796875,
  "summary_fg_median": 2120.922607421875,
  "summary_fg_n": 19845.0,
  "summary_fg_p05": 1494.101025390625,
  "summary_fg_p95": 3151.621484375,
  "summary_fg_stdv": 538.78125,
  "tsnr": 63.403889627661556
}