{
  "bids_meta": {
    "AcquisitionDateTime": "2018-07-16T17:20:43",
    "AcquisitionMatrixPE": 256,
    "AcquisitionNumber": 1,
    "BodyPartExamined": "BRAIN",
    "ConversionSoftware": "dcm2niix",
    "ConversionSoftwareVersion": "v1.0.20180622 GCC4.8.5",
    "DeviceSerialNumber": "000301496mr3T5mr",
    "EchoTime": 0.003476,
    "FlipAngle": 7,
    "ImageOrientationPatientDICOM": [
      0,
      1,
      0,
      0,
      0,
      -1
    ],
    "ImageType": [
      "ORIGINAL",
      "PRIMARY",
      "OTHER"
    ],
    "InPlanePhaseEncodingDirectionDICOM": "ROW",
    "InstitutionName": "NIH_FMRIF",
    "InversionTime": 0.9,
    "MRAcquisitionType": "3D",
    "MagneticFieldStrength": 3,
    "Manufacturer": "GE",
    "ManufacturersModelName": "DISCOVERY_MR750",
    "Modality": "MR",
    "PatientPosition": "HFS",
    "PercentPhaseFOV": 100,
    "PixelBandwidth": 195.312,
    "ProcedureStepDescription": "MRI_Procedure_Limited",
    "ProtocolName": "ORIG_anat_t1w_mp_rage_1mm",
    "ReconMatrixPE": 256,
    "RepetitionTime": 0.00766,
    "SAR": 0.090163,
    "ScanOptions": "EDR_GEMS_ACC_GEMS_IR_GEMS",
    "ScanningSequence": "RM",
    "SequenceVariant": "NONE",
    "SeriesDescription": "ORIG_anat_t1w_mp_rage_1mm",
    "SeriesNumber": 40005,
    "SliceThickness": 1,
    "SoftwareVersions": "27_LX_MR_Software_release:DV26.0_R01_1725.a",
    "SpacingBetweenSlices": 1,
    "StationName": "fmrif3ta",
    "acq_id": "mprage",
    "dataset": "ds002156",
    "modality": "T1w",
    "rec_id": "ORIG",
    "run_id": 1,
    "session_id": "03",
    "subject_id": "23638"
  },
  "cjv": 0.36027388401060056,
  "cnr": 3.6748473239755435,
  "efc": 0.5545447326001065,
  "fber": 1845.7297081758036,
  "fwhm_avg": 3.4308033333333334,
  "fwhm_x": 3.4366,
  "fwhm_y": 3.61494,
  "fwhm_z": 3.24087,
  "icvs_csf": 0.2538692523937598,
  "icvs_gm": 0.4108605999724538,
  "icvs_wm": 0.3352701476337864,
  "inu_med": 0.9440418481826782,
  "inu_range": 0.5304440140724181,
  "provenance": {
    "md5sum": "e4b6419da16b80d09914445510ce51f9",
    "settings": {
      "testing": false
    },
    "software": "mriqc",
    "version": "22.0.1",
    "warnings": {
      "large_rot_frame": true,
      "small_air_mask": false
    },
    "webapi_port": null,
    "webapi_url": "https://mriqc.nimh.nih.gov/api/v1"
  },
  "qi_1": 0.0,
  "qi_2": 0.0007854103806592181,
  "rpve_csf": 18.444438197416375,
  "rpve_gm": 11.288351419125242,
  "rpve_wm": 17.208344153299848,
  "size_x": 172,
  "size_y": 256,
  "size_z": 256,
  "snr_csf": 1.022070672863749,
  "snr_gm": 5.255916045424864,
  "snr_total": 6.48041760393408,
  "snr_wm": 13.163266093513627,
  "snrd_csf": 6.941909893875918,
  "snrd_gm": 37.42724308548471,
  "snrd_total": 38.25148040797657,
  "snrd_wm": 70.3852882445691,
  "spacing_x": 1.0,
  "spacing_y": 1.0,
  "spacing_z": 1.0,
  "summary_bg_k": 7.9589088420964895,
  "summary_bg_mad": 9.308162568955373,
  "summary_bg_mean": 11.79978584688944,
  "summary_bg_median": 6.278260245919228,
  "summary_bg_n": 2423956.0,
  "summary_bg_p05": 0.0,
  "summary_bg_p95": 40.694837138056755,
  "summary_bg_stdv": 15.151598354619644,
  "summary_csf_k": 3.220529714223029,
  "summary_csf_mad": 76.10508048607035,
  "summary_csf_mean": 125.08425254212352,
  "summary_csf_median": 98.63049256801605,
  "summary_csf_n": 23679.0,
  "summary_csf_p05": 19.09501950442791,
  "summary_csf_p95": 316.61949546933164,
  "summary_csf_stdv": 96.49862040577598,
  "summary_gm_k": 0.013842372441518869,
  "summary_gm_mad": 98.91731310325113,
  "summary_gm_mean": 532.7652605304622,
  "summary_gm_median": 531.7653898447752,
  "summary_gm_n": 25607.0,
  "summary_gm_p05": 365.64522612541913,
  "summary_gm_p95": 703.4936989858744,
  "summary_gm_stdv": 101.17265990248606,
  "summary_wm_k": 0.8393763761748487,
  "summary_wm_mad": 69.78710485636489,
  "summary_wm_mean": 997.3859884559657,
  "summary_wm_median": 1000.032520622015,
  "summary_wm_n": 192611.0,
  "summary_wm_p05": 868.8559172973037,
  "summary_wm_p95": 1116.5218985527754,
  "summary_wm_stdv": 75.97126104753481,
  "tpm_overlap_csf": 0.16280514617942948,
  "tpm_overlap_gm": 0.43824797995409054,
  "tpm_overlap_wm": 0.4891504991694861,
  "wm2max": 0.5941297709717841
}